GIT
  remote: https://github.com/rails/rails.git
  revision: 1921f0fef60983d6423b937884de5e83b2619960
  branch: main
  specs:
    actioncable (8.1.0.alpha)
      actionpack (= 8.1.0.alpha)
      activesupport (= 8.1.0.alpha)
      nio4r (~> 2.0)
      websocket-driver (>= 0.6.1)
      zeitwerk (~> 2.6)
    actionmailbox (8.1.0.alpha)
      actionpack (= 8.1.0.alpha)
      activejob (= 8.1.0.alpha)
      activerecord (= 8.1.0.alpha)
      activestorage (= 8.1.0.alpha)
      activesupport (= 8.1.0.alpha)
      mail (>= 2.8.0)
    actionmailer (8.1.0.alpha)
      actionpack (= 8.1.0.alpha)
      actionview (= 8.1.0.alpha)
      activejob (= 8.1.0.alpha)
      activesupport (= 8.1.0.alpha)
      mail (>= 2.8.0)
      rails-dom-testing (~> 2.2)
    actionpack (8.1.0.alpha)
      actionview (= 8.1.0.alpha)
      activesupport (= 8.1.0.alpha)
      nokogiri (>= 1.8.5)
      rack (>= 2.2.4)
      rack-session (>= 1.0.1)
      rack-test (>= 0.6.3)
      rails-dom-testing (~> 2.2)
      rails-html-sanitizer (~> 1.6)
      useragent (~> 0.16)
    actiontext (8.1.0.alpha)
      action_text-trix (~> 2.1.15)
      actionpack (= 8.1.0.alpha)
      activerecord (= 8.1.0.alpha)
      activestorage (= 8.1.0.alpha)
      activesupport (= 8.1.0.alpha)
      globalid (>= 0.6.0)
      nokogiri (>= 1.8.5)
    actionview (8.1.0.alpha)
      activesupport (= 8.1.0.alpha)
      builder (~> 3.1)
      erubi (~> 1.11)
      rails-dom-testing (~> 2.2)
      rails-html-sanitizer (~> 1.6)
    activejob (8.1.0.alpha)
      activesupport (= 8.1.0.alpha)
      globalid (>= 0.3.6)
    activemodel (8.1.0.alpha)
      activesupport (= 8.1.0.alpha)
    activerecord (8.1.0.alpha)
      activemodel (= 8.1.0.alpha)
      activesupport (= 8.1.0.alpha)
      timeout (>= 0.4.0)
    activestorage (8.1.0.alpha)
      actionpack (= 8.1.0.alpha)
      activejob (= 8.1.0.alpha)
      activerecord (= 8.1.0.alpha)
      activesupport (= 8.1.0.alpha)
      marcel (~> 1.0)
    activesupport (8.1.0.alpha)
      base64
      benchmark (>= 0.3)
      bigdecimal
      concurrent-ruby (~> 1.0, >= 1.3.1)
      connection_pool (>= 2.2.5)
      drb
      i18n (>= 1.6, < 2)
      logger (>= 1.4.2)
      minitest (>= 5.1)
      securerandom (>= 0.3)
      tzinfo (~> 2.0, >= 2.0.5)
      uri (>= 0.13.1)
    rails (8.1.0.alpha)
      actioncable (= 8.1.0.alpha)
      actionmailbox (= 8.1.0.alpha)
      actionmailer (= 8.1.0.alpha)
      actionpack (= 8.1.0.alpha)
      actiontext (= 8.1.0.alpha)
      actionview (= 8.1.0.alpha)
      activejob (= 8.1.0.alpha)
      activemodel (= 8.1.0.alpha)
      activerecord (= 8.1.0.alpha)
      activestorage (= 8.1.0.alpha)
      activesupport (= 8.1.0.alpha)
      bundler (>= 1.15.0)
      railties (= 8.1.0.alpha)
    railties (8.1.0.alpha)
      actionpack (= 8.1.0.alpha)
      activesupport (= 8.1.0.alpha)
      irb (~> 1.13)
      rackup (>= 1.0.0)
      rake (>= 12.2)
      thor (~> 1.0, >= 1.2.2)
      zeitwerk (~> 2.6)

GEM
  remote: https://rubygems.org/
  specs:
    action_text-trix (2.1.15)
      railties
    addressable (2.8.7)
      public_suffix (>= 2.0.2, < 7.0)
    ast (2.4.3)
    base64 (0.3.0)
    bcrypt (3.1.20)
    bcrypt_pbkdf (1.1.1)
    benchmark (0.4.1)
    better_html (2.1.1)
      actionview (>= 6.0)
      activesupport (>= 6.0)
      ast (~> 2.0)
      erubi (~> 1.4)
      parser (>= 2.4)
      smart_properties
    bigdecimal (3.2.2)
    bindex (0.8.1)
    bootsnap (1.18.6)
      msgpack (~> 1.2)
    brakeman (7.0.2)
      racc
    builder (3.3.0)
    bundler-audit (0.9.2)
      bundler (>= 1.2.0, < 3)
      thor (~> 1.0)
    capybara (3.40.0)
      addressable
      matrix
      mini_mime (>= 0.1.3)
      nokogiri (~> 1.11)
      rack (>= 1.6.0)
      rack-test (>= 0.6.3)
      regexp_parser (>= 1.5, < 3.0)
      xpath (~> 3.2)
    childprocess (5.1.0)
      logger (~> 1.5)
    concurrent-ruby (1.3.5)
    connection_pool (2.5.3)
    crass (1.0.6)
    date (3.4.1)
    debug (1.11.0)
      irb (~> 1.10)
      reline (>= 0.3.8)
    docile (1.4.1)
    dotenv (3.1.8)
    drb (2.2.3)
    ed25519 (1.4.0)
    erb (5.0.1)
    erb_lint (0.9.0)
      activesupport
      better_html (>= 2.0.1)
      parser (>= 2.7.1.4)
      rainbow
      rubocop (>= 1)
      smart_properties
    erblint-github (1.0.1)
    erubi (1.13.1)
    et-orbi (1.2.11)
      tzinfo
    faraday (2.13.1)
      faraday-net_http (>= 2.0, < 3.5)
      json
      logger
    faraday-net_http (3.4.1)
      net-http (>= 0.5.0)
    ffi (1.17.2)
    ffi (1.17.2-aarch64-linux-gnu)
    ffi (1.17.2-aarch64-linux-musl)
    ffi (1.17.2-arm-linux-gnu)
    ffi (1.17.2-arm-linux-musl)
    ffi (1.17.2-arm64-darwin)
    ffi (1.17.2-x86-linux-gnu)
    ffi (1.17.2-x86-linux-musl)
    ffi (1.17.2-x86_64-darwin)
    ffi (1.17.2-x86_64-linux-gnu)
    ffi (1.17.2-x86_64-linux-musl)
    fugit (1.11.1)
      et-orbi (~> 1, >= 1.2.11)
      raabro (~> 1.4)
    globalid (1.2.1)
      activesupport (>= 6.1)
    hashie (5.0.0)
    highline (3.1.2)
      reline
    hotwire-spark (0.1.13)
      listen
      rails (>= 7.0.0)
      zeitwerk
    i18n (1.14.7)
      concurrent-ruby (~> 1.0)
    i18n-tasks (1.0.15)
      activesupport (>= 4.0.2)
      ast (>= 2.1.0)
      erubi
      highline (>= 2.0.0)
      i18n
      parser (>= 3.2.2.1)
      rails-i18n
      rainbow (>= 2.2.2, < 4.0)
      ruby-progressbar (~> 1.8, >= 1.8.1)
      terminal-table (>= 1.5.1)
    image_processing (1.14.0)
      mini_magick (>= 4.9.5, < 6)
      ruby-vips (>= 2.0.17, < 3)
    importmap-rails (2.1.0)
      actionpack (>= 6.0.0)
      activesupport (>= 6.0.0)
      railties (>= 6.0.0)
    inline_svg (1.10.0)
      activesupport (>= 3.0)
      nokogiri (>= 1.6)
    io-console (0.8.0)
    irb (1.15.2)
      pp (>= 0.6.0)
      rdoc (>= 4.0.0)
      reline (>= 0.4.2)
    jbuilder (2.13.0)
      actionview (>= 5.0.0)
      activesupport (>= 5.0.0)
    json (2.12.2)
    jwt (3.0.0)
      base64
    kamal (2.7.0)
      activesupport (>= 7.0)
      base64 (~> 0.2)
      bcrypt_pbkdf (~> 1.0)
      concurrent-ruby (~> 1.2)
      dotenv (~> 3.1)
      ed25519 (~> 1.4)
      net-ssh (~> 7.3)
      sshkit (>= 1.23.0, < 2.0)
      thor (~> 1.3)
      zeitwerk (>= 2.6.18, < 3.0)
    language_server-protocol (3.17.0.5)
    launchy (3.1.1)
      addressable (~> 2.8)
      childprocess (~> 5.0)
      logger (~> 1.6)
    letter_opener (1.10.0)
      launchy (>= 2.2, < 4)
    letter_opener_web (3.0.0)
      actionmailer (>= 6.1)
      letter_opener (~> 1.9)
      railties (>= 6.1)
      rexml
    lint_roller (1.1.0)
    listen (3.9.0)
      rb-fsevent (~> 0.10, >= 0.10.3)
      rb-inotify (~> 0.9, >= 0.9.10)
    logger (1.7.0)
    loofah (2.24.1)
      crass (~> 1.0.2)
      nokogiri (>= 1.12.0)
    mail (2.8.1)
      mini_mime (>= 0.1.1)
      net-imap
      net-pop
      net-smtp
    marcel (1.0.4)
    matrix (0.4.3)
    mini_magick (5.2.0)
      benchmark
      logger
    mini_mime (1.1.5)
    mini_portile2 (2.8.9)
    minitest (5.25.5)
    mission_control-jobs (1.0.2)
      actioncable (>= 7.1)
      actionpack (>= 7.1)
      activejob (>= 7.1)
      activerecord (>= 7.1)
      importmap-rails (>= 1.2.1)
      irb (~> 1.13)
      railties (>= 7.1)
      stimulus-rails
      turbo-rails
    msgpack (1.8.0)
    multi_xml (0.7.2)
      bigdecimal (~> 3.1)
    net-http (0.6.0)
      uri
    net-imap (0.5.8)
      date
      net-protocol
    net-pop (0.1.2)
      net-protocol
    net-protocol (0.2.2)
      timeout
    net-scp (4.1.0)
      net-ssh (>= 2.6.5, < 8.0.0)
    net-sftp (4.0.0)
      net-ssh (>= 5.0.0, < 8.0.0)
    net-smtp (0.5.1)
      net-protocol
    net-ssh (7.3.0)
    nio4r (2.7.4)
    nokogiri (1.18.8)
      mini_portile2 (~> 2.8.2)
      racc (~> 1.4)
    nokogiri (1.18.8-aarch64-linux-gnu)
      racc (~> 1.4)
    nokogiri (1.18.8-aarch64-linux-musl)
      racc (~> 1.4)
    nokogiri (1.18.8-arm-linux-gnu)
      racc (~> 1.4)
    nokogiri (1.18.8-arm-linux-musl)
      racc (~> 1.4)
    nokogiri (1.18.8-arm64-darwin)
      racc (~> 1.4)
    nokogiri (1.18.8-x86_64-darwin)
      racc (~> 1.4)
    nokogiri (1.18.8-x86_64-linux-gnu)
      racc (~> 1.4)
    nokogiri (1.18.8-x86_64-linux-musl)
      racc (~> 1.4)
    oauth2 (2.0.12)
      faraday (>= 0.17.3, < 4.0)
      jwt (>= 1.0, < 4.0)
      logger (~> 1.2)
      multi_xml (~> 0.5)
      rack (>= 1.2, < 4)
      snaky_hash (~> 2.0, >= 2.0.3)
      version_gem (>= 1.1.8, < 3)
    omniauth (2.1.3)
      hashie (>= 3.4.6)
      rack (>= 2.2.3)
      rack-protection
    omniauth-facebook (10.0.0)
      bigdecimal
      omniauth-oauth2 (>= 1.2, < 3)
    omniauth-google-oauth2 (1.2.1)
      jwt (>= 2.9.2)
      oauth2 (~> 2.0)
      omniauth (~> 2.0)
      omniauth-oauth2 (~> 1.8)
    omniauth-oauth2 (1.8.0)
      oauth2 (>= 1.4, < 3)
      omniauth (~> 2.0)
    omniauth-rails_csrf_protection (1.0.2)
      actionpack (>= 4.2)
      omniauth (~> 2.0)
    ostruct (0.6.2)
    pagy (9.3.4)
    parallel (1.27.0)
    parser (3.3.8.0)
      ast (~> 2.4.1)
      racc
    pp (0.6.2)
      prettyprint
    prettyprint (0.2.0)
    prism (1.4.0)
    propshaft (1.1.0)
      actionpack (>= 7.0.0)
      activesupport (>= 7.0.0)
      rack
      railties (>= 7.0.0)
    psych (5.2.6)
      date
      stringio
    public_suffix (6.0.2)
    puma (6.6.0)
      nio4r (~> 2.0)
    pundit (2.5.0)
      activesupport (>= 3.0.0)
    raabro (1.4.0)
    racc (1.8.1)
    rack (3.1.16)
    rack-protection (4.1.1)
      base64 (>= 0.1.0)
      logger (>= 1.6.0)
      rack (>= 3.0.0, < 4)
    rack-session (2.1.1)
      base64 (>= 0.1.0)
      rack (>= 3.0.0)
    rack-test (2.2.0)
      rack (>= 1.3)
    rackup (2.2.1)
      rack (>= 3)
    rails-dom-testing (2.3.0)
      activesupport (>= 5.0.0)
      minitest
      nokogiri (>= 1.6)
    rails-html-sanitizer (1.6.2)
      loofah (~> 2.21)
      nokogiri (>= 1.15.7, != 1.16.7, != 1.16.6, != 1.16.5, != 1.16.4, != 1.16.3, != 1.16.2, != 1.16.1, != 1.16.0.rc1, != 1.16.0)
    rails-i18n (8.0.1)
      i18n (>= 0.7, < 2)
      railties (>= 8.0.0, < 9)
    rainbow (3.1.1)
    rake (13.3.0)
    rb-fsevent (0.11.2)
    rb-inotify (0.11.1)
      ffi (~> 1.0)
    rbs (3.9.4)
      logger
    rdoc (6.14.1)
      erb
      psych (>= 4.0.0)
    regexp_parser (2.10.0)
    reline (0.6.1)
      io-console (~> 0.5)
    rexml (3.4.1)
    rubocop (1.76.2)
      json (~> 2.3)
      language_server-protocol (~> 3.17.0.2)
      lint_roller (~> 1.1.0)
      parallel (~> 1.10)
      parser (>= 3.3.0.2)
      rainbow (>= 2.2.2, < 4.0)
      regexp_parser (>= 2.9.3, < 3.0)
      rubocop-ast (>= 1.45.1, < 2.0)
      ruby-progressbar (~> 1.7)
      unicode-display_width (>= 2.4.0, < 4.0)
    rubocop-ast (1.45.1)
      parser (>= 3.3.7.2)
      prism (~> 1.4)
    rubocop-capybara (2.22.1)
      lint_roller (~> 1.1)
      rubocop (~> 1.72, >= 1.72.1)
    rubocop-minitest (0.38.1)
      lint_roller (~> 1.1)
      rubocop (>= 1.75.0, < 2.0)
      rubocop-ast (>= 1.38.0, < 2.0)
    rubocop-performance (1.25.0)
      lint_roller (~> 1.1)
      rubocop (>= 1.75.0, < 2.0)
      rubocop-ast (>= 1.38.0, < 2.0)
    rubocop-rails (2.32.0)
      activesupport (>= 4.2.0)
      lint_roller (~> 1.1)
      rack (>= 1.1)
      rubocop (>= 1.75.0, < 2.0)
      rubocop-ast (>= 1.44.0, < 2.0)
    rubocop-rails-omakase (1.1.0)
      rubocop (>= 1.72)
      rubocop-performance (>= 1.24)
      rubocop-rails (>= 2.30)
    ruby-lsp (0.24.1)
      language_server-protocol (~> 3.17.0)
      prism (>= 1.2, < 2.0)
      rbs (>= 3, < 5)
      sorbet-runtime (>= 0.5.10782)
    ruby-lsp-rails (0.4.6)
      ruby-lsp (>= 0.24.0, < 0.25.0)
    ruby-progressbar (1.13.0)
    ruby-vips (2.2.4)
      ffi (~> 1.12)
      logger
    rubyzip (2.4.1)
    securerandom (0.4.1)
    selenium-webdriver (4.33.0)
      base64 (~> 0.2)
      logger (~> 1.4)
      rexml (~> 3.2, >= 3.2.5)
      rubyzip (>= 1.2.2, < 3.0)
      websocket (~> 1.0)
    simplecov (0.22.0)
      docile (~> 1.1)
      simplecov-html (~> 0.11)
      simplecov_json_formatter (~> 0.1)
    simplecov-html (0.13.1)
    simplecov_json_formatter (0.1.4)
    sin_lru_redux (2.5.2)
    smart_properties (1.17.0)
    snaky_hash (2.0.3)
      hashie (>= 0.1.0, < 6)
      version_gem (>= 1.1.8, < 3)
    solid_cable (3.0.8)
      actioncable (>= 7.2)
      activejob (>= 7.2)
      activerecord (>= 7.2)
      railties (>= 7.2)
    solid_cache (1.0.7)
      activejob (>= 7.2)
      activerecord (>= 7.2)
      railties (>= 7.2)
    solid_queue (1.1.5)
      activejob (>= 7.1)
      activerecord (>= 7.1)
      concurrent-ruby (>= 1.3.1)
      fugit (~> 1.11.0)
      railties (>= 7.1)
      thor (~> 1.3.1)
    sorbet-runtime (0.5.12189)
    sqlite3 (2.7.0)
      mini_portile2 (~> 2.8.0)
    sqlite3 (2.7.0-aarch64-linux-gnu)
    sqlite3 (2.7.0-aarch64-linux-musl)
    sqlite3 (2.7.0-arm-linux-gnu)
    sqlite3 (2.7.0-arm-linux-musl)
    sqlite3 (2.7.0-arm64-darwin)
    sqlite3 (2.7.0-x86-linux-gnu)
    sqlite3 (2.7.0-x86-linux-musl)
    sqlite3 (2.7.0-x86_64-darwin)
    sqlite3 (2.7.0-x86_64-linux-gnu)
    sqlite3 (2.7.0-x86_64-linux-musl)
    sshkit (1.24.0)
      base64
      logger
      net-scp (>= 1.1.2)
      net-sftp (>= 2.1.2)
      net-ssh (>= 2.8.0)
      ostruct
    stimulus-rails (1.3.4)
      railties (>= 6.0.0)
    stringio (3.1.7)
    tailwind_merge (1.3.1)
      sin_lru_redux (~> 2.5)
    tailwindcss-rails (4.2.3)
      railties (>= 7.0.0)
      tailwindcss-ruby (~> 4.0)
    tailwindcss-ruby (4.1.10)
    tailwindcss-ruby (4.1.10-aarch64-linux-gnu)
    tailwindcss-ruby (4.1.10-aarch64-linux-musl)
    tailwindcss-ruby (4.1.10-arm64-darwin)
    tailwindcss-ruby (4.1.10-x86_64-darwin)
    tailwindcss-ruby (4.1.10-x86_64-linux-gnu)
    tailwindcss-ruby (4.1.10-x86_64-linux-musl)
    terminal-table (4.0.0)
      unicode-display_width (>= 1.1.1, < 4)
    thor (1.3.2)
    thruster (0.1.14)
    thruster (0.1.14-aarch64-linux)
    thruster (0.1.14-arm64-darwin)
    thruster (0.1.14-x86_64-darwin)
    thruster (0.1.14-x86_64-linux)
    timeout (0.4.3)
    turbo-rails (2.0.16)
      actionpack (>= 7.1.0)
      railties (>= 7.1.0)
    tzinfo (2.0.6)
      concurrent-ruby (~> 1.0)
    unicode-display_width (3.1.4)
      unicode-emoji (~> 4.0, >= 4.0.4)
    unicode-emoji (4.0.4)
    uri (1.0.3)
    useragent (0.16.11)
    version_gem (1.1.8)
    web-console (4.2.1)
      actionview (>= 6.0.0)
      activemodel (>= 6.0.0)
      bindex (>= 0.4.0)
      railties (>= 6.0.0)
    websocket (1.2.11)
    websocket-driver (0.8.0)
      base64
      websocket-extensions (>= 0.1.0)
    websocket-extensions (0.1.5)
    xpath (3.2.0)
      nokogiri (~> 1.8)
    zeitwerk (2.7.3)

PLATFORMS
  aarch64-linux
  aarch64-linux-gnu
  aarch64-linux-musl
  arm-linux
  arm-linux-gnu
  arm-linux-musl
  arm64-darwin
  ruby
  x86-linux
  x86-linux-gnu
  x86-linux-musl
  x86_64-darwin
  x86_64-linux
  x86_64-linux-gnu
  x86_64-linux-musl

DEPENDENCIES
  bcrypt (~> 3.1.7)
  bootsnap
  brakeman
  bundler-audit
  capybara
  debug
  erb_lint
  erblint-github
  hotwire-spark
  i18n-tasks
  image_processing (>= 1.2)
  importmap-rails
  inline_svg
  jbuilder
  kamal
  letter_opener_web (~> 3.0)
  listen
  mission_control-jobs
  omniauth
  omniauth-facebook
  omniauth-google-oauth2
  omniauth-rails_csrf_protection
  pagy (~> 9.2)
  propshaft
  puma (~> 6.6)
  pundit (~> 2.5)
  rails!
  rubocop
  rubocop-capybara
  rubocop-minitest
  rubocop-performance
  rubocop-rails
  rubocop-rails-omakase
  ruby-lsp-rails
  selenium-webdriver
  simplecov
  solid_cable
  solid_cache
  solid_queue
  sqlite3 (>= 2.1)
  stimulus-rails
  tailwind_merge (~> 1.3.1)
  tailwindcss-rails (= 4.2.3)
  thruster
  turbo-rails
  tzinfo-data
  web-console

CHECKSUMS
  action_text-trix (2.1.15) sha256=4bf9bbd8fa95954de3f0022dae0d927bce22c1bb31d5dc9c3766f8c145c109c1
  actioncable (8.1.0.alpha)
  actionmailbox (8.1.0.alpha)
  actionmailer (8.1.0.alpha)
  actionpack (8.1.0.alpha)
  actiontext (8.1.0.alpha)
  actionview (8.1.0.alpha)
  activejob (8.1.0.alpha)
  activemodel (8.1.0.alpha)
  activerecord (8.1.0.alpha)
  activestorage (8.1.0.alpha)
  activesupport (8.1.0.alpha)
  addressable (2.8.7) sha256=462986537cf3735ab5f3c0f557f14155d778f4b43ea4f485a9deb9c8f7c58232
  ast (2.4.3) sha256=954615157c1d6a382bc27d690d973195e79db7f55e9765ac7c481c60bdb4d383
  base64 (0.3.0) sha256=27337aeabad6ffae05c265c450490628ef3ebd4b67be58257393227588f5a97b
  bcrypt (3.1.20) sha256=8410f8c7b3ed54a3c00cd2456bf13917d695117f033218e2483b2e40b0784099
  bcrypt_pbkdf (1.1.1) sha256=2f9077dde837d1f0dd2eb0f9e5327c6871c68ebc8eba88870fb6b7956e1e2b13
  benchmark (0.4.1) sha256=d4ef40037bba27f03b28013e219b950b82bace296549ec15a78016552f8d2cce
  better_html (2.1.1) sha256=046c3551d1488a3f2939a7cac6fabf2bde08c32e135c91fcd683380118e5af55
  bigdecimal (3.2.2) sha256=39085f76b495eb39a79ce07af716f3a6829bc35eb44f2195e2753749f2fa5adc
  bindex (0.8.1) sha256=7b1ecc9dc539ed8bccfc8cb4d2732046227b09d6f37582ff12e50a5047ceb17e
  bootsnap (1.18.6) sha256=0ae2393c1e911e38be0f24e9173e7be570c3650128251bf06240046f84a07d00
  brakeman (7.0.2) sha256=b602d91bcec6c5ce4d4bc9e081e01f621c304b7a69f227d1e58784135f333786
  builder (3.3.0) sha256=497918d2f9dca528fdca4b88d84e4ef4387256d984b8154e9d5d3fe5a9c8835f
  bundler-audit (0.9.2) sha256=73051daa09865c436450a35c4d87ceef15f3f9777f4aad4fd015cc6f1f2b1048
  capybara (3.40.0) sha256=42dba720578ea1ca65fd7a41d163dd368502c191804558f6e0f71b391054aeef
  childprocess (5.1.0) sha256=9a8d484be2fd4096a0e90a0cd3e449a05bc3aa33f8ac9e4d6dcef6ac1455b6ec
  concurrent-ruby (1.3.5) sha256=813b3e37aca6df2a21a3b9f1d497f8cbab24a2b94cab325bffe65ee0f6cbebc6
  connection_pool (2.5.3) sha256=cfd74a82b9b094d1ce30c4f1a346da23ee19dc8a062a16a85f58eab1ced4305b
  crass (1.0.6) sha256=dc516022a56e7b3b156099abc81b6d2b08ea1ed12676ac7a5657617f012bd45d
  date (3.4.1) sha256=bf268e14ef7158009bfeaec40b5fa3c7271906e88b196d958a89d4b408abe64f
  debug (1.11.0) sha256=1425db64cfa0130c952684e3dc974985be201dd62899bf4bbe3f8b5d6cf1aef2
  docile (1.4.1) sha256=96159be799bfa73cdb721b840e9802126e4e03dfc26863db73647204c727f21e
  dotenv (3.1.8) sha256=9e1176060ced581f8e6ce4384e91361817763a76e3c625c8bddc18b35bd392c3
  drb (2.2.3) sha256=0b00d6fdb50995fe4a45dea13663493c841112e4068656854646f418fda13373
  ed25519 (1.4.0) sha256=16e97f5198689a154247169f3453ef4cfd3f7a47481fde0ae33206cdfdcac506
  erb (5.0.1) sha256=760439803b36cc93eca8a266aab614614e588024a89bc30a62e78d98ff452c23
  erb_lint (0.9.0) sha256=dfb5e40ad839e8d1f0d56ca85ec9a7ac4c9cd966ec281138282f35b323ca7c31
  erblint-github (1.0.1) sha256=9f28f7dc381a0dc68a0093ef7af3424ed9d2bb2b3e39bdc8e8cba86a0d31f2d0
  erubi (1.13.1) sha256=a082103b0885dbc5ecf1172fede897f9ebdb745a4b97a5e8dc63953db1ee4ad9
  et-orbi (1.2.11) sha256=d26e868cc21db88280a9ec1a50aa3da5d267eb9b2037ba7b831d6c2731f5df64
  faraday (2.13.1) sha256=cc531eb5467e7d74d4517630fa96f1a7003647cbf20a9a3e067d098941217b75
  faraday-net_http (3.4.1) sha256=095757fae7872b94eac839c08a1a4b8d84fd91d6886cfbe75caa2143de64ab3b
  ffi (1.17.2) sha256=297235842e5947cc3036ebe64077584bff583cd7a4e94e9a02fdec399ef46da6
  ffi (1.17.2-aarch64-linux-gnu) sha256=c910bd3cae70b76690418cce4572b7f6c208d271f323d692a067d59116211a1a
  ffi (1.17.2-aarch64-linux-musl) sha256=69e6556b091d45df83e6c3b19d3c54177c206910965155a6ec98de5e893c7b7c
  ffi (1.17.2-arm-linux-gnu) sha256=d4a438f2b40224ae42ec72f293b3ebe0ba2159f7d1bd47f8417e6af2f68dbaa5
  ffi (1.17.2-arm-linux-musl) sha256=977dfb7f3a6381206dbda9bc441d9e1f9366bf189a634559c3b7c182c497aaa3
  ffi (1.17.2-arm64-darwin) sha256=54dd9789be1d30157782b8de42d8f887a3c3c345293b57ffb6b45b4d1165f813
  ffi (1.17.2-x86-linux-gnu) sha256=95d8f9ebea23c39888e2ab85a02c98f54acb2f4e79b829250d7267ce741dc7b0
  ffi (1.17.2-x86-linux-musl) sha256=41741449bab2b9530f42a47baa5c26263925306fad0ac2d60887f51af2e3b24c
  ffi (1.17.2-x86_64-darwin) sha256=981f2d4e32ea03712beb26e55e972797c2c5a7b0257955d8667ba58f2da6440e
  ffi (1.17.2-x86_64-linux-gnu) sha256=05d2026fc9dbb7cfd21a5934559f16293815b7ce0314846fee2ac8efbdb823ea
  ffi (1.17.2-x86_64-linux-musl) sha256=97c0eb3981414309285a64dc4d466bd149e981c279a56371ef811395d68cb95c
  fugit (1.11.1) sha256=e89485e7be22226d8e9c6da411664d0660284b4b1c08cacb540f505907869868
  globalid (1.2.1) sha256=70bf76711871f843dbba72beb8613229a49429d1866828476f9c9d6ccc327ce9
  hashie (5.0.0) sha256=9d6c4e51f2a36d4616cbc8a322d619a162d8f42815a792596039fc95595603da
  highline (3.1.2) sha256=67cbd34d19f6ef11a7ee1d82ffab5d36dfd5b3be861f450fc1716c7125f4bb4a
  hotwire-spark (0.1.13) sha256=0a24799b0942fc9b7ea3e560a5aba3f4dd9a6086958a25929894340f920fb499
  i18n (1.14.7) sha256=ceba573f8138ff2c0915427f1fc5bdf4aa3ab8ae88c8ce255eb3ecf0a11a5d0f
  i18n-tasks (1.0.15) sha256=74f3e9e0e2db5d757c58e659f4269ee698c7a7532ed29066a2aaffc9efbdfb56
  image_processing (1.14.0) sha256=754cc169c9c262980889bec6bfd325ed1dafad34f85242b5a07b60af004742fb
  importmap-rails (2.1.0) sha256=9f10c67d60651a547579f448100d033df311c5d5db578301374aeb774faae741
  inline_svg (1.10.0) sha256=5b652934236fd9f8adc61f3fd6e208b7ca3282698b19f28659971da84bf9a10f
  io-console (0.8.0) sha256=cd6a9facbc69871d69b2cb8b926fc6ea7ef06f06e505e81a64f14a470fddefa2
  irb (1.15.2) sha256=222f32952e278da34b58ffe45e8634bf4afc2dc7aa9da23fed67e581aa50fdba
  jbuilder (2.13.0) sha256=7200a38a1c0081aa81b7a9757e7a299db75bc58cf1fd45ca7919a91627d227d6
  json (2.12.2) sha256=ba94a48ad265605c8fa9a50a5892f3ba6a02661aa010f638211f3cb36f44abf4
  jwt (3.0.0) sha256=a90dd08038e05a1d9832eff2fa9b74b93eaf2b25fa1ac3e8a39c9c8778884703
  kamal (2.7.0) sha256=66b863d967a740886a1817f7e181849c100dfcd4bdf1d8695d9c20828313b4f8
  language_server-protocol (3.17.0.5) sha256=fd1e39a51a28bf3eec959379985a72e296e9f9acfce46f6a79d31ca8760803cc
  launchy (3.1.1) sha256=72b847b5cc961589dde2c395af0108c86ff0119f42d4648d25b5440ebb10059e
  letter_opener (1.10.0) sha256=2ff33f2e3b5c3c26d1959be54b395c086ca6d44826e8bf41a14ff96fdf1bdbb2
  letter_opener_web (3.0.0) sha256=3f391efe0e8b9b24becfab5537dfb17a5cf5eb532038f947daab58cb4b749860
  lint_roller (1.1.0) sha256=2c0c845b632a7d172cb849cc90c1bce937a28c5c8ccccb50dfd46a485003cc87
  listen (3.9.0) sha256=db9e4424e0e5834480385197c139cb6b0ae0ef28cc13310cfd1ca78377d59c67
  logger (1.7.0) sha256=196edec7cc44b66cfb40f9755ce11b392f21f7967696af15d274dde7edff0203
  loofah (2.24.1) sha256=655a30842b70ec476410b347ab1cd2a5b92da46a19044357bbd9f401b009a337
  mail (2.8.1) sha256=ec3b9fadcf2b3755c78785cb17bc9a0ca9ee9857108a64b6f5cfc9c0b5bfc9ad
  marcel (1.0.4) sha256=0d5649feb64b8f19f3d3468b96c680bae9746335d02194270287868a661516a4
  matrix (0.4.3) sha256=a0d5ab7ddcc1973ff690ab361b67f359acbb16958d1dc072b8b956a286564c5b
  mini_magick (5.2.0) sha256=2757ffbfdb1d38242d1da9ff1505360ab75d59dc02eb7ab79ff6d5acb1243f4a
  mini_mime (1.1.5) sha256=8681b7e2e4215f2a159f9400b5816d85e9d8c6c6b491e96a12797e798f8bccef
  mini_portile2 (2.8.9) sha256=0cd7c7f824e010c072e33f68bc02d85a00aeb6fce05bb4819c03dfd3c140c289
  minitest (5.25.5) sha256=391b6c6cb43a4802bfb7c93af1ebe2ac66a210293f4a3fb7db36f2fc7dc2c756
  mission_control-jobs (1.0.2) sha256=0f9e115afdd77e3b10a1988870b9b32bdc99350a952c7a85a3b3f440bf473eb4
  msgpack (1.8.0) sha256=e64ce0212000d016809f5048b48eb3a65ffb169db22238fb4b72472fecb2d732
  multi_xml (0.7.2) sha256=307a96dc48613badb7b2fc174fd4e62d7c7b619bc36ea33bfd0c49f64f5787ce
  net-http (0.6.0) sha256=9621b20c137898af9d890556848c93603716cab516dc2c89b01a38b894e259fb
  net-imap (0.5.8) sha256=52aa5fdfc1a8a3df1f793b20a327e95b5a9dfe1d733e1f0d53075d2dbcfcf593
  net-pop (0.1.2) sha256=848b4e982013c15b2f0382792268763b748cce91c9e91e36b0f27ed26420dff3
  net-protocol (0.2.2) sha256=aa73e0cba6a125369de9837b8d8ef82a61849360eba0521900e2c3713aa162a8
  net-scp (4.1.0) sha256=a99b0b92a1e5d360b0de4ffbf2dc0c91531502d3d4f56c28b0139a7c093d1a5d
  net-sftp (4.0.0) sha256=65bb91c859c2f93b09826757af11b69af931a3a9155050f50d1b06d384526364
  net-smtp (0.5.1) sha256=ed96a0af63c524fceb4b29b0d352195c30d82dd916a42f03c62a3a70e5b70736
  net-ssh (7.3.0) sha256=172076c4b30ce56fb25a03961b0c4da14e1246426401b0f89cba1a3b54bf3ef0
  nio4r (2.7.4) sha256=d95dee68e0bb251b8ff90ac3423a511e3b784124e5db7ff5f4813a220ae73ca9
  nokogiri (1.18.8) sha256=8c7464875d9ca7f71080c24c0db7bcaa3940e8be3c6fc4bcebccf8b9a0016365
  nokogiri (1.18.8-aarch64-linux-gnu) sha256=36badd2eb281fca6214a5188e24a34399b15d89730639a068d12931e2adc210e
  nokogiri (1.18.8-aarch64-linux-musl) sha256=664e0f9a77a7122a66d6c03abba7641ca610769a4728db55ee1706a0838b78a2
  nokogiri (1.18.8-arm-linux-gnu) sha256=17de01ca3adf9f8e187883ed73c672344d3dbb3c260f88ffa1008e8dc255a28e
  nokogiri (1.18.8-arm-linux-musl) sha256=6e6d7e71fc39572bd613a82d528cf54392c3de1ba5ce974f05c832b8187a040b
  nokogiri (1.18.8-arm64-darwin) sha256=483b5b9fb33653f6f05cbe00d09ea315f268f0e707cfc809aa39b62993008212
  nokogiri (1.18.8-x86_64-darwin) sha256=024cdfe7d9ae3466bba6c06f348fb2a8395d9426b66a3c82f1961b907945cc0c
  nokogiri (1.18.8-x86_64-linux-gnu) sha256=4a747875db873d18a2985ee2c320a6070c4a414ad629da625fbc58d1a20e5ecc
  nokogiri (1.18.8-x86_64-linux-musl) sha256=ddd735fba49475a395b9ea793bb6474e3a3125b89960339604d08a5397de1165
  oauth2 (2.0.12) sha256=f7edb8549c7912724d07087d808c3fa6756298fd64d55d4968324df69c64ab3f
  omniauth (2.1.3) sha256=8d24e2e55c41926c96e4a93fd566bc026dfd6f2c850408748e89945a565956c2
  omniauth-facebook (10.0.0) sha256=dfdc6cbada5387572d554784861546cf6382f9fa16c4731cbe5813e570fcb9e1
  omniauth-google-oauth2 (1.2.1) sha256=c81c50b680fc3372d0c18147cdaf9764a67ace9e7e4e6afe7b869a01fa1aaedd
  omniauth-oauth2 (1.8.0) sha256=b2f8e9559cc7e2d4efba57607691d6d2b634b879fc5b5b6ccfefa3da85089e78
  omniauth-rails_csrf_protection (1.0.2) sha256=1170fd672aff092b9b7ebebc1453559f073ed001e3ce62a1df616e32f8dc5fe0
  ostruct (0.6.2) sha256=6d7302a299e400a2c248d6ce0dad18fc3a5714e8096facc25ffd0c54ee57cfc0
  pagy (9.3.4) sha256=b058e064bd02237e76d591e90fadc02c795426dd51f90d0c51089558bf3ab5f7
  parallel (1.27.0) sha256=4ac151e1806b755fb4e2dc2332cbf0e54f2e24ba821ff2d3dcf86bf6dc4ae130
  parser (3.3.8.0) sha256=2476364142b307fa5a1b1ece44f260728be23858a9c71078e956131a75453c45
  pp (0.6.2) sha256=947ec3120c6f92195f8ee8aa25a7b2c5297bb106d83b41baa02983686577b6ff
  prettyprint (0.2.0) sha256=2bc9e15581a94742064a3cc8b0fb9d45aae3d03a1baa6ef80922627a0766f193
  prism (1.4.0) sha256=dc0e3e00e93160213dc2a65519d9002a4a1e7b962db57d444cf1a71565bb703e
  propshaft (1.1.0) sha256=d389361faf66aeb17e8d204828962c1e506edd14a1a17adb3fa475435c070f6b
  psych (5.2.6) sha256=814328aa5dcb6d604d32126a20bc1cbcf05521a5b49dbb1a8b30a07e580f316e
  public_suffix (6.0.2) sha256=bfa7cd5108066f8c9602e0d6d4114999a5df5839a63149d3e8b0f9c1d3558394
  puma (6.6.0) sha256=f25c06873eb3d5de5f0a4ebc783acc81a4ccfe580c760cfe323497798018ad87
  pundit (2.5.0) sha256=4fb6b8ad3fbfe6c34e4be172a1eac03dfcb36c29d6a1214574517af5a605beda
  raabro (1.4.0) sha256=d4fa9ff5172391edb92b242eed8be802d1934b1464061ae5e70d80962c5da882
  racc (1.8.1) sha256=4a7f6929691dbec8b5209a0b373bc2614882b55fc5d2e447a21aaa691303d62f
  rack (3.1.16) sha256=efb5606c351efc56b85b10c3493055d0d35209d23f44792ec4e1183eb0234635
  rack-protection (4.1.1) sha256=51a254a5d574a7f0ca4f0672025ce2a5ef7c8c3bd09c431349d683e825d7d16a
  rack-session (2.1.1) sha256=0b6dc07dea7e4b583f58a48e8b806d4c9f1c6c9214ebc202ec94562cbea2e4e9
  rack-test (2.2.0) sha256=005a36692c306ac0b4a9350355ee080fd09ddef1148a5f8b2ac636c720f5c463
  rackup (2.2.1) sha256=f737191fd5c5b348b7f0a4412a3b86383f88c43e13b8217b63d4c8d90b9e798d
  rails (8.1.0.alpha)
  rails-dom-testing (2.3.0) sha256=8acc7953a7b911ca44588bf08737bc16719f431a1cc3091a292bca7317925c1d
  rails-html-sanitizer (1.6.2) sha256=35fce2ca8242da8775c83b6ba9c1bcaad6751d9eb73c1abaa8403475ab89a560
  rails-i18n (8.0.1) sha256=15303195450bdac9a80636cf14c7e5ada2f43907cc60fcd19bbb3f81ab45be0d
  railties (8.1.0.alpha)
  rainbow (3.1.1) sha256=039491aa3a89f42efa1d6dec2fc4e62ede96eb6acd95e52f1ad581182b79bc6a
  rake (13.3.0) sha256=96f5092d786ff412c62fde76f793cc0541bd84d2eb579caa529aa8a059934493
  rb-fsevent (0.11.2) sha256=43900b972e7301d6570f64b850a5aa67833ee7d87b458ee92805d56b7318aefe
  rb-inotify (0.11.1) sha256=a0a700441239b0ff18eb65e3866236cd78613d6b9f78fea1f9ac47a85e47be6e
  rbs (3.9.4) sha256=8e42c8f133fc2d94b65f62f34479546de1247b79892b57584f625b61e518a5d7
  rdoc (6.14.1) sha256=905efa796cd296ef252af4fb31fe41c073dee894de6aad715821f335c632516b
  regexp_parser (2.10.0) sha256=cb6f0ddde88772cd64bff1dbbf68df66d376043fe2e66a9ef77fcb1b0c548c61
  reline (0.6.1) sha256=1afcc9d7cb1029cdbe780d72f2f09251ce46d3780050f3ec39c3ccc6b60675fb
  rexml (3.4.1) sha256=c74527a9a0a04b4ec31dbe0dc4ed6004b960af943d8db42e539edde3a871abca
  rubocop (1.76.2) sha256=ae44f172ba0bbe3d623c927111798f85a7879bcc88e544d08f51f62c19f45633
  rubocop-ast (1.45.1) sha256=94042e49adc17f187ba037b33f941ba7398fede77cdf4bffafba95190a473a3e
  rubocop-capybara (2.22.1) sha256=ced88caef23efea53f46e098ff352f8fc1068c649606ca75cb74650970f51c0c
  rubocop-minitest (0.38.1) sha256=f997aa8043d45b1556b818f5dec872ad03c1ab97cd3fb721b0c2aef02dbf7a81
  rubocop-performance (1.25.0) sha256=6f7d03568a770054117a78d0a8e191cefeffb703b382871ca7743831b1a52ec1
  rubocop-rails (2.32.0) sha256=9fcc623c8722fe71e835e99c4a18b740b5b0d3fb69915d7f0777f00794b30490
  rubocop-rails-omakase (1.1.0) sha256=2af73ac8ee5852de2919abbd2618af9c15c19b512c4cfc1f9a5d3b6ef009109d
  ruby-lsp (0.24.1) sha256=e75c94ea56af996bd4c7c6458f16b7b7be2420591ce72b1d3c2378681379beb3
  ruby-lsp-rails (0.4.6) sha256=385cba1b0374dfc3fe90c4781b6c3cf203684e0b6d7c10699ae32a6d4b327e4b
  ruby-progressbar (1.13.0) sha256=80fc9c47a9b640d6834e0dc7b3c94c9df37f08cb072b7761e4a71e22cff29b33
  ruby-vips (2.2.4) sha256=a305d34c8b38bf93fcb45e9c652dfba4464f3ff86d9a2ccfe3361841e7ea1c49
  rubyzip (2.4.1) sha256=8577c88edc1fde8935eb91064c5cb1aef9ad5494b940cf19c775ee833e075615
  securerandom (0.4.1) sha256=cc5193d414a4341b6e225f0cb4446aceca8e50d5e1888743fac16987638ea0b1
  selenium-webdriver (4.33.0) sha256=720cad35cb7c2fdd87706940ed107bf2ec6873e50fa45b26f497fa28a8f97e1d
  simplecov (0.22.0) sha256=fe2622c7834ff23b98066bb0a854284b2729a569ac659f82621fc22ef36213a5
  simplecov-html (0.13.1) sha256=5dab0b7ee612e60e9887ad57693832fdf4695b4c0c859eaea5f95c18791ef10b
  simplecov_json_formatter (0.1.4) sha256=529418fbe8de1713ac2b2d612aa3daa56d316975d307244399fa4838c601b428
  sin_lru_redux (2.5.2) sha256=feed104c943afaeeecb1ad83f3f63562088b9785a816625c32b2305eccbd9963
  smart_properties (1.17.0) sha256=f9323f8122e932341756ddec8e0ac9ec6e238408a7661508be99439ca6d6384b
  snaky_hash (2.0.3) sha256=25a3d299566e8153fb02fa23fd9a9358845950f7a523ddbbe1fa1e0d79a6d456
  solid_cable (3.0.8) sha256=71fcc85587c8899d4c145f25ac15e092ed0ecc14477e67c9220f82ae3cdd8c3a
  solid_cache (1.0.7) sha256=58e690ccee057be7351f21b1940d5f9cf6bb132074316e70478e554a79e6a490
  solid_queue (1.1.5) sha256=bae0c9d76310f4953ebc57466f2e8c78703a0fbf4b89d25756c23c88f9b6df9b
  sorbet-runtime (0.5.12189) sha256=2eaedf29536ae969a70eef1f3f443701383ce06075b2400223bd05d5314ef1cb
  sqlite3 (2.7.0) sha256=dab87a41172e2397909847a9d6251c6251ac1e9942a026569af17e77d645ebf0
  sqlite3 (2.7.0-aarch64-linux-gnu) sha256=8e4ca6fee1e635092fc56c951274b732e5d3186526b3db43286ed3cacf9d2c70
  sqlite3 (2.7.0-aarch64-linux-musl) sha256=ffa253517b62bc241b91016402e5b44087390bf7e89ba4820eb7f3c28cf76ce6
  sqlite3 (2.7.0-arm-linux-gnu) sha256=720abe303b75c55f98ce5d0e9ab32cb45570d3ec99490953fa807c45d0fd3f6c
  sqlite3 (2.7.0-arm-linux-musl) sha256=c2b437c54df1debf41e523b02df4f0324e2891f34e12deb4d97db168d6c717ed
  sqlite3 (2.7.0-arm64-darwin) sha256=b79d76bd496688f45bd43069f3475285f3303d00a2a9c61cd4fc915350aa20ac
  sqlite3 (2.7.0-x86-linux-gnu) sha256=74524de4ada6c97d6526055fd04c194c42d8b89f426a8b24737b61ba2dfb9e95
  sqlite3 (2.7.0-x86-linux-musl) sha256=53f098cc7a0abcb9852faae7ca79920244dffbb7257f3c1508c277516af1d558
  sqlite3 (2.7.0-x86_64-darwin) sha256=5a625bb886d2b594b9c90f11852128777b8949aa8a78c3da95a7e122e206a056
  sqlite3 (2.7.0-x86_64-linux-gnu) sha256=6d7a41bbfc2319bc7e43e944a97a8b15de91c71098bc1d8f4c91c8b719b1c940
  sqlite3 (2.7.0-x86_64-linux-musl) sha256=b6ff52adad59521918854adf5784dc57bc8853fdcd904b66fd53af7b683b4042
  sshkit (1.24.0) sha256=9597c1f984778ae9742f2dc839778d57a6a2efb868107046575c52ac7c628e6c
  stimulus-rails (1.3.4) sha256=765676ffa1f33af64ce026d26b48e8ffb2e0b94e0f50e9119e11d6107d67cb06
  stringio (3.1.7) sha256=5b78b7cb242a315fb4fca61a8255d62ec438f58da2b90be66048546ade4507fa
  tailwind_merge (1.3.1) sha256=611c19715afdf1b091a0c9aa5ded5dfcf651d2116bdf4a1d638839b6c7f65f72
  tailwindcss-rails (4.2.3) sha256=2850bf70819d0753589fd73b3bd30df41d6f1e6e996f8ba635bdffa7446b68a9
  tailwindcss-ruby (4.1.10) sha256=f4cdffa288af942e38c2d2ef199582ff02e6464a3df793e4c8989f5367c159ab
  tailwindcss-ruby (4.1.10-aarch64-linux-gnu) sha256=efcda14e3009e3599901e49f934ed330d58a25cbb6f31d8049321928607ee5c4
  tailwindcss-ruby (4.1.10-aarch64-linux-musl) sha256=6e172703ea02159b56ad92a9026602517efaaac4c8446eaca6d8b724b73d509b
  tailwindcss-ruby (4.1.10-arm64-darwin) sha256=1d3beedb77d84513ec22a3570654ceb7bb63f682718aecd7565674c3d2f2aed6
  tailwindcss-ruby (4.1.10-x86_64-darwin) sha256=01dbf3fd093f2918046da52e99c5b834e541426c912cec0010aa9075c019524d
  tailwindcss-ruby (4.1.10-x86_64-linux-gnu) sha256=b038f32420d4f166106c31de071c9322892c78b390244c436daf8354687238c1
  tailwindcss-ruby (4.1.10-x86_64-linux-musl) sha256=8bb14dddbfdfc4c9b7d52d26a4f574043ec145668f5a035e16e34fad1990aac2
  terminal-table (4.0.0) sha256=f504793203f8251b2ea7c7068333053f0beeea26093ec9962e62ea79f94301d2
  thor (1.3.2) sha256=eef0293b9e24158ccad7ab383ae83534b7ad4ed99c09f96f1a6b036550abbeda
  thruster (0.1.14) sha256=3457167768ef1ad5e5872859a91ed44cedad226a4265f9bd281aad0aafe99074
  thruster (0.1.14-aarch64-linux) sha256=b9d5d6909953402478b7b0ea143d5293aa98ed7dd1649fb2e57f886b7512d452
  thruster (0.1.14-arm64-darwin) sha256=ae68bcbb3ba4fdaf078ba95376f7d7ae7b480afa3d9833cfeb1444f4030251d0
  thruster (0.1.14-x86_64-darwin) sha256=c8e90a0c617a9ee19439e7e6466ea723fddf1d1fb4593b58c4e34f6e32bbbab1
  thruster (0.1.14-x86_64-linux) sha256=05927cf84431fe898031b6eb6abc63e65ffacfce6740b40e9107916cb90e1aa6
  timeout (0.4.3) sha256=9509f079b2b55fe4236d79633bd75e34c1c1e7e3fb4b56cb5fda61f80a0fe30e
  turbo-rails (2.0.16) sha256=d24e1b60f0c575b3549ecda967e5391027143f8220d837ed792c8d48ea0ea38d
  tzinfo (2.0.6) sha256=8daf828cc77bcf7d63b0e3bdb6caa47e2272dcfaf4fbfe46f8c3a9df087a829b
  unicode-display_width (3.1.4) sha256=8caf2af1c0f2f07ec89ef9e18c7d88c2790e217c482bfc78aaa65eadd5415ac1
  unicode-emoji (4.0.4) sha256=2c2c4ef7f353e5809497126285a50b23056cc6e61b64433764a35eff6c36532a
  uri (1.0.3) sha256=e9f2244608eea2f7bc357d954c65c910ce0399ca5e18a7a29207ac22d8767011
  useragent (0.16.11) sha256=700e6413ad4bb954bb63547fa098dddf7b0ebe75b40cc6f93b8d54255b173844
  version_gem (1.1.8) sha256=a964767ecbe36551b9ff2e59099548c27569f2f7f94bdb09f609d76393a8e008
  web-console (4.2.1) sha256=e7bcf37a10ea2b4ec4281649d1cee461b32232d0a447e82c786e6841fd22fe20
  websocket (1.2.11) sha256=b7e7a74e2410b5e85c25858b26b3322f29161e300935f70a0e0d3c35e0462737
  websocket-driver (0.8.0) sha256=ed0dba4b943c22f17f9a734817e808bc84cdce6a7e22045f5315aa57676d4962
  websocket-extensions (0.1.5) sha256=1c6ba63092cda343eb53fc657110c71c754c56484aad42578495227d717a8241
  xpath (3.2.0) sha256=6dfda79d91bb3b949b947ecc5919f042ef2f399b904013eb3ef6d20dd3a4082e
  zeitwerk (2.7.3) sha256=b2e86b4a9b57d26ba68a15230dcc7fe6f040f06831ce64417b0621ad96ba3e85

BUNDLED WITH
   2.6.9
