GIT
  remote: https://github.com/rails/rails.git
  revision: 0d1b246ae22a0f83b03769b0ca954e1a36e2390c
  branch: main
  specs:
    actioncable (8.1.0.alpha)
      actionpack (= 8.1.0.alpha)
      activesupport (= 8.1.0.alpha)
      nio4r (~> 2.0)
      websocket-driver (>= 0.6.1)
      zeitwerk (~> 2.6)
    actionmailbox (8.1.0.alpha)
      actionpack (= 8.1.0.alpha)
      activejob (= 8.1.0.alpha)
      activerecord (= 8.1.0.alpha)
      activestorage (= 8.1.0.alpha)
      activesupport (= 8.1.0.alpha)
      mail (>= 2.8.0)
    actionmailer (8.1.0.alpha)
      actionpack (= 8.1.0.alpha)
      actionview (= 8.1.0.alpha)
      activejob (= 8.1.0.alpha)
      activesupport (= 8.1.0.alpha)
      mail (>= 2.8.0)
      rails-dom-testing (~> 2.2)
    actionpack (8.1.0.alpha)
      actionview (= 8.1.0.alpha)
      activesupport (= 8.1.0.alpha)
      nokogiri (>= 1.8.5)
      rack (>= 2.2.4)
      rack-session (>= 1.0.1)
      rack-test (>= 0.6.3)
      rails-dom-testing (~> 2.2)
      rails-html-sanitizer (~> 1.6)
      useragent (~> 0.16)
    actiontext (8.1.0.alpha)
      actionpack (= 8.1.0.alpha)
      activerecord (= 8.1.0.alpha)
      activestorage (= 8.1.0.alpha)
      activesupport (= 8.1.0.alpha)
      globalid (>= 0.6.0)
      nokogiri (>= 1.8.5)
    actionview (8.1.0.alpha)
      activesupport (= 8.1.0.alpha)
      builder (~> 3.1)
      erubi (~> 1.11)
      rails-dom-testing (~> 2.2)
      rails-html-sanitizer (~> 1.6)
    activejob (8.1.0.alpha)
      activesupport (= 8.1.0.alpha)
      globalid (>= 0.3.6)
    activemodel (8.1.0.alpha)
      activesupport (= 8.1.0.alpha)
    activerecord (8.1.0.alpha)
      activemodel (= 8.1.0.alpha)
      activesupport (= 8.1.0.alpha)
      timeout (>= 0.4.0)
    activestorage (8.1.0.alpha)
      actionpack (= 8.1.0.alpha)
      activejob (= 8.1.0.alpha)
      activerecord (= 8.1.0.alpha)
      activesupport (= 8.1.0.alpha)
      marcel (~> 1.0)
    activesupport (8.1.0.alpha)
      base64
      benchmark (>= 0.3)
      bigdecimal
      concurrent-ruby (~> 1.0, >= 1.3.1)
      connection_pool (>= 2.2.5)
      drb
      i18n (>= 1.6, < 2)
      logger (>= 1.4.2)
      minitest (>= 5.1)
      securerandom (>= 0.3)
      tzinfo (~> 2.0, >= 2.0.5)
      uri (>= 0.13.1)
    rails (8.1.0.alpha)
      actioncable (= 8.1.0.alpha)
      actionmailbox (= 8.1.0.alpha)
      actionmailer (= 8.1.0.alpha)
      actionpack (= 8.1.0.alpha)
      actiontext (= 8.1.0.alpha)
      actionview (= 8.1.0.alpha)
      activejob (= 8.1.0.alpha)
      activemodel (= 8.1.0.alpha)
      activerecord (= 8.1.0.alpha)
      activestorage (= 8.1.0.alpha)
      activesupport (= 8.1.0.alpha)
      bundler (>= 1.15.0)
      railties (= 8.1.0.alpha)
    railties (8.1.0.alpha)
      actionpack (= 8.1.0.alpha)
      activesupport (= 8.1.0.alpha)
      irb (~> 1.13)
      rackup (>= 1.0.0)
      rake (>= 12.2)
      thor (~> 1.0, >= 1.2.2)
      zeitwerk (~> 2.6)

GEM
  remote: https://rubygems.org/
  specs:
    addressable (2.8.7)
      public_suffix (>= 2.0.2, < 7.0)
    ast (2.4.2)
    base64 (0.2.0)
    bcrypt (3.1.20)
    bcrypt_pbkdf (1.1.1)
    benchmark (0.4.0)
    better_html (2.1.1)
      actionview (>= 6.0)
      activesupport (>= 6.0)
      ast (~> 2.0)
      erubi (~> 1.4)
      parser (>= 2.4)
      smart_properties
    bigdecimal (3.1.9)
    bindex (0.8.1)
    bootsnap (1.18.4)
      msgpack (~> 1.2)
    brakeman (7.0.0)
      racc
    builder (3.3.0)
    bundler-audit (0.9.2)
      bundler (>= 1.2.0, < 3)
      thor (~> 1.0)
    capybara (3.40.0)
      addressable
      matrix
      mini_mime (>= 0.1.3)
      nokogiri (~> 1.11)
      rack (>= 1.6.0)
      rack-test (>= 0.6.3)
      regexp_parser (>= 1.5, < 3.0)
      xpath (~> 3.2)
    childprocess (5.1.0)
      logger (~> 1.5)
    concurrent-ruby (1.3.5)
    connection_pool (2.5.0)
    crass (1.0.6)
    date (3.4.1)
    debug (1.10.0)
      irb (~> 1.10)
      reline (>= 0.3.8)
    dotenv (3.1.7)
    drb (2.2.1)
    ed25519 (1.3.0)
    erb_lint (0.8.0)
      activesupport
      better_html (>= 2.0.1)
      parser (>= 2.7.1.4)
      rainbow
      rubocop (>= 1)
      smart_properties
    erblint-github (1.0.1)
    erubi (1.13.1)
    et-orbi (1.2.11)
      tzinfo
    faraday (2.12.2)
      faraday-net_http (>= 2.0, < 3.5)
      json
      logger
    faraday-net_http (3.4.0)
      net-http (>= 0.5.0)
    ffi (1.17.1)
    ffi (1.17.1-aarch64-linux-gnu)
    ffi (1.17.1-aarch64-linux-musl)
    ffi (1.17.1-arm-linux-gnu)
    ffi (1.17.1-arm-linux-musl)
    ffi (1.17.1-arm64-darwin)
    ffi (1.17.1-x86-linux-gnu)
    ffi (1.17.1-x86-linux-musl)
    ffi (1.17.1-x86_64-darwin)
    ffi (1.17.1-x86_64-linux-gnu)
    ffi (1.17.1-x86_64-linux-musl)
    fugit (1.11.1)
      et-orbi (~> 1, >= 1.2.11)
      raabro (~> 1.4)
    globalid (1.2.1)
      activesupport (>= 6.1)
    hashie (5.0.0)
    highline (3.1.2)
      reline
    hotwire-spark (0.1.12)
      listen
      rails (>= 7.0.0)
      zeitwerk
    i18n (1.14.6)
      concurrent-ruby (~> 1.0)
    i18n-tasks (1.0.14)
      activesupport (>= 4.0.2)
      ast (>= 2.1.0)
      erubi
      highline (>= 2.0.0)
      i18n
      parser (>= 3.2.2.1)
      rails-i18n
      rainbow (>= 2.2.2, < 4.0)
      terminal-table (>= 1.5.1)
    image_processing (1.13.0)
      mini_magick (>= 4.9.5, < 5)
      ruby-vips (>= 2.0.17, < 3)
    importmap-rails (2.1.0)
      actionpack (>= 6.0.0)
      activesupport (>= 6.0.0)
      railties (>= 6.0.0)
    inline_svg (1.10.0)
      activesupport (>= 3.0)
      nokogiri (>= 1.6)
    io-console (0.8.0)
    irb (1.14.3)
      rdoc (>= 4.0.0)
      reline (>= 0.4.2)
    jbuilder (2.13.0)
      actionview (>= 5.0.0)
      activesupport (>= 5.0.0)
    json (2.9.1)
    jwt (2.10.1)
      base64
    kamal (2.4.0)
      activesupport (>= 7.0)
      base64 (~> 0.2)
      bcrypt_pbkdf (~> 1.0)
      concurrent-ruby (~> 1.2)
      dotenv (~> 3.1)
      ed25519 (~> 1.2)
      net-ssh (~> 7.3)
      sshkit (>= 1.23.0, < 2.0)
      thor (~> 1.3)
      zeitwerk (>= 2.6.18, < 3.0)
    language_server-protocol (3.17.0.3)
    launchy (3.0.1)
      addressable (~> 2.8)
      childprocess (~> 5.0)
    letter_opener (1.10.0)
      launchy (>= 2.2, < 4)
    letter_opener_web (3.0.0)
      actionmailer (>= 6.1)
      letter_opener (~> 1.9)
      railties (>= 6.1)
      rexml
    lint_roller (1.1.0)
    listen (3.9.0)
      rb-fsevent (~> 0.10, >= 0.10.3)
      rb-inotify (~> 0.9, >= 0.9.10)
    logger (1.6.5)
    loofah (2.24.0)
      crass (~> 1.0.2)
      nokogiri (>= 1.12.0)
    mail (2.8.1)
      mini_mime (>= 0.1.1)
      net-imap
      net-pop
      net-smtp
    marcel (1.0.4)
    matrix (0.4.2)
    mini_magick (4.13.2)
    mini_mime (1.1.5)
    mini_portile2 (2.8.8)
    minitest (5.25.4)
    mission_control-jobs (1.0.1)
      actioncable (>= 7.1)
      actionpack (>= 7.1)
      activejob (>= 7.1)
      activerecord (>= 7.1)
      importmap-rails (>= 1.2.1)
      irb (~> 1.13)
      railties (>= 7.1)
      stimulus-rails
      turbo-rails
    msgpack (1.7.5)
    multi_xml (0.7.1)
      bigdecimal (~> 3.1)
    net-http (0.6.0)
      uri
    net-imap (0.5.5)
      date
      net-protocol
    net-pop (0.1.2)
      net-protocol
    net-protocol (0.2.2)
      timeout
    net-scp (4.0.0)
      net-ssh (>= 2.6.5, < 8.0.0)
    net-sftp (4.0.0)
      net-ssh (>= 5.0.0, < 8.0.0)
    net-smtp (0.5.0)
      net-protocol
    net-ssh (7.3.0)
    nio4r (2.7.4)
    nokogiri (1.18.1)
      mini_portile2 (~> 2.8.2)
      racc (~> 1.4)
    nokogiri (1.18.1-aarch64-linux-gnu)
      racc (~> 1.4)
    nokogiri (1.18.1-aarch64-linux-musl)
      racc (~> 1.4)
    nokogiri (1.18.1-arm-linux-gnu)
      racc (~> 1.4)
    nokogiri (1.18.1-arm-linux-musl)
      racc (~> 1.4)
    nokogiri (1.18.1-arm64-darwin)
      racc (~> 1.4)
    nokogiri (1.18.1-x86_64-darwin)
      racc (~> 1.4)
    nokogiri (1.18.1-x86_64-linux-gnu)
      racc (~> 1.4)
    nokogiri (1.18.1-x86_64-linux-musl)
      racc (~> 1.4)
    oauth2 (2.0.9)
      faraday (>= 0.17.3, < 3.0)
      jwt (>= 1.0, < 3.0)
      multi_xml (~> 0.5)
      rack (>= 1.2, < 4)
      snaky_hash (~> 2.0)
      version_gem (~> 1.1)
    omniauth (2.1.2)
      hashie (>= 3.4.6)
      rack (>= 2.2.3)
      rack-protection
    omniauth-facebook (10.0.0)
      bigdecimal
      omniauth-oauth2 (>= 1.2, < 3)
    omniauth-google-oauth2 (1.2.0)
      jwt (>= 2.9)
      oauth2 (~> 2.0)
      omniauth (~> 2.0)
      omniauth-oauth2 (~> 1.8)
    omniauth-oauth2 (1.8.0)
      oauth2 (>= 1.4, < 3)
      omniauth (~> 2.0)
    omniauth-rails_csrf_protection (1.0.2)
      actionpack (>= 4.2)
      omniauth (~> 2.0)
    ostruct (0.6.1)
    pagy (9.3.3)
    parallel (1.26.3)
    parser (3.3.6.0)
      ast (~> 2.4.1)
      racc
    prism (1.3.0)
    propshaft (1.1.0)
      actionpack (>= 7.0.0)
      activesupport (>= 7.0.0)
      rack
      railties (>= 7.0.0)
    psych (5.2.3)
      date
      stringio
    public_suffix (6.0.1)
    puma (6.5.0)
      nio4r (~> 2.0)
    pundit (2.4.0)
      activesupport (>= 3.0.0)
    raabro (1.4.0)
    racc (1.8.1)
    rack (3.1.8)
    rack-protection (4.1.1)
      base64 (>= 0.1.0)
      logger (>= 1.6.0)
      rack (>= 3.0.0, < 4)
    rack-session (2.1.0)
      base64 (>= 0.1.0)
      rack (>= 3.0.0)
    rack-test (2.2.0)
      rack (>= 1.3)
    rackup (2.2.1)
      rack (>= 3)
    rails-dom-testing (2.2.0)
      activesupport (>= 5.0.0)
      minitest
      nokogiri (>= 1.6)
    rails-html-sanitizer (1.6.2)
      loofah (~> 2.21)
      nokogiri (>= 1.15.7, != 1.16.7, != 1.16.6, != 1.16.5, != 1.16.4, != 1.16.3, != 1.16.2, != 1.16.1, != 1.16.0.rc1, != 1.16.0)
    rails-i18n (8.0.1)
      i18n (>= 0.7, < 2)
      railties (>= 8.0.0, < 9)
    rainbow (3.1.1)
    rake (13.2.1)
    rb-fsevent (0.11.2)
    rb-inotify (0.11.1)
      ffi (~> 1.0)
    rbs (3.8.1)
      logger
    rdoc (6.11.0)
      psych (>= 4.0.0)
    regexp_parser (2.10.0)
    reline (0.6.0)
      io-console (~> 0.5)
    rexml (3.4.0)
    rubocop (1.70.0)
      json (~> 2.3)
      language_server-protocol (>= 3.17.0)
      parallel (~> 1.10)
      parser (>= 3.3.0.2)
      rainbow (>= 2.2.2, < 4.0)
      regexp_parser (>= 2.9.3, < 3.0)
      rubocop-ast (>= 1.36.2, < 2.0)
      ruby-progressbar (~> 1.7)
      unicode-display_width (>= 2.4.0, < 4.0)
    rubocop-ast (1.37.0)
      parser (>= 3.3.1.0)
    rubocop-capybara (2.21.0)
      rubocop (~> 1.41)
    rubocop-minitest (0.36.0)
      rubocop (>= 1.61, < 2.0)
      rubocop-ast (>= 1.31.1, < 2.0)
    rubocop-performance (1.23.1)
      rubocop (>= 1.48.1, < 2.0)
      rubocop-ast (>= 1.31.1, < 2.0)
    rubocop-rails (2.28.0)
      activesupport (>= 4.2.0)
      rack (>= 1.1)
      rubocop (>= 1.52.0, < 2.0)
      rubocop-ast (>= 1.31.1, < 2.0)
    ruby-lsp (0.23.5)
      language_server-protocol (~> 3.17.0)
      prism (>= 1.2, < 2.0)
      rbs (>= 3, < 4)
      sorbet-runtime (>= 0.5.10782)
    ruby-lsp-rails (0.3.29)
      ruby-lsp (>= 0.23.0, < 0.24.0)
    ruby-progressbar (1.13.0)
    ruby-vips (2.2.2)
      ffi (~> 1.12)
      logger
    rubyzip (2.4.1)
    securerandom (0.4.1)
    selenium-webdriver (4.27.0)
      base64 (~> 0.2)
      logger (~> 1.4)
      rexml (~> 3.2, >= 3.2.5)
      rubyzip (>= 1.2.2, < 3.0)
      websocket (~> 1.0)
    smart_properties (1.17.0)
    snaky_hash (2.0.1)
      hashie
      version_gem (~> 1.1, >= 1.1.1)
    solid_cable (3.0.5)
      actioncable (>= 7.2)
      activejob (>= 7.2)
      activerecord (>= 7.2)
      railties (>= 7.2)
    solid_cache (1.0.6)
      activejob (>= 7.2)
      activerecord (>= 7.2)
      railties (>= 7.2)
    solid_queue (1.1.2)
      activejob (>= 7.1)
      activerecord (>= 7.1)
      concurrent-ruby (>= 1.3.1)
      fugit (~> 1.11.0)
      railties (>= 7.1)
      thor (~> 1.3.1)
    sorbet-runtime (0.5.11758)
    sqlite3 (2.5.0)
      mini_portile2 (~> 2.8.0)
    sqlite3 (2.5.0-aarch64-linux-gnu)
    sqlite3 (2.5.0-aarch64-linux-musl)
    sqlite3 (2.5.0-arm-linux-gnu)
    sqlite3 (2.5.0-arm-linux-musl)
    sqlite3 (2.5.0-arm64-darwin)
    sqlite3 (2.5.0-x86-linux-gnu)
    sqlite3 (2.5.0-x86-linux-musl)
    sqlite3 (2.5.0-x86_64-darwin)
    sqlite3 (2.5.0-x86_64-linux-gnu)
    sqlite3 (2.5.0-x86_64-linux-musl)
    sshkit (1.23.2)
      base64
      net-scp (>= 1.1.2)
      net-sftp (>= 2.1.2)
      net-ssh (>= 2.8.0)
      ostruct
    standard (1.44.0)
      language_server-protocol (~> 3.17.0.2)
      lint_roller (~> 1.0)
      rubocop (~> 1.70.0)
      standard-custom (~> 1.0.0)
      standard-performance (~> 1.6)
    standard-custom (1.0.2)
      lint_roller (~> 1.0)
      rubocop (~> 1.50)
    standard-performance (1.6.0)
      lint_roller (~> 1.1)
      rubocop-performance (~> 1.23.0)
    stimulus-rails (1.3.4)
      railties (>= 6.0.0)
    stringio (3.1.2)
    tailwindcss-rails (3.2.0)
      railties (>= 7.0.0)
      tailwindcss-ruby
    tailwindcss-ruby (3.4.17)
    tailwindcss-ruby (3.4.17-aarch64-linux)
    tailwindcss-ruby (3.4.17-arm-linux)
    tailwindcss-ruby (3.4.17-arm64-darwin)
    tailwindcss-ruby (3.4.17-x86_64-darwin)
    tailwindcss-ruby (3.4.17-x86_64-linux)
    terminal-table (3.0.2)
      unicode-display_width (>= 1.1.1, < 3)
    thor (1.3.2)
    thruster (0.1.10)
    thruster (0.1.10-aarch64-linux)
    thruster (0.1.10-arm64-darwin)
    thruster (0.1.10-x86_64-darwin)
    thruster (0.1.10-x86_64-linux)
    timeout (0.4.3)
    turbo-rails (2.0.11)
      actionpack (>= 6.0.0)
      railties (>= 6.0.0)
    tzinfo (2.0.6)
      concurrent-ruby (~> 1.0)
    unicode-display_width (2.6.0)
    uri (1.0.2)
    useragent (0.16.11)
    version_gem (1.1.4)
    web-console (4.2.1)
      actionview (>= 6.0.0)
      activemodel (>= 6.0.0)
      bindex (>= 0.4.0)
      railties (>= 6.0.0)
    websocket (1.2.11)
    websocket-driver (0.7.7)
      base64
      websocket-extensions (>= 0.1.0)
    websocket-extensions (0.1.5)
    xpath (3.2.0)
      nokogiri (~> 1.8)
    zeitwerk (2.7.1)

PLATFORMS
  aarch64-linux
  aarch64-linux-gnu
  aarch64-linux-musl
  arm-linux
  arm-linux-gnu
  arm-linux-musl
  arm64-darwin
  ruby
  x86-linux
  x86-linux-gnu
  x86-linux-musl
  x86_64-darwin
  x86_64-linux
  x86_64-linux-gnu
  x86_64-linux-musl

DEPENDENCIES
  bcrypt (~> 3.1.7)
  bootsnap
  brakeman
  bundler-audit
  capybara
  debug
  erb_lint
  erblint-github
  hotwire-spark
  i18n-tasks
  image_processing (>= 1.2)
  importmap-rails
  inline_svg
  jbuilder
  kamal
  letter_opener_web (~> 3.0)
  listen
  mission_control-jobs
  omniauth
  omniauth-facebook
  omniauth-google-oauth2
  omniauth-rails_csrf_protection
  pagy (~> 9.2)
  propshaft
  puma (~> 6.4)
  pundit (~> 2.4)
  rails!
  rubocop
  rubocop-capybara
  rubocop-minitest
  rubocop-performance
  rubocop-rails
  ruby-lsp-rails
  selenium-webdriver
  solid_cable
  solid_cache
  solid_queue
  sqlite3 (>= 2.1)
  standard
  stimulus-rails
  tailwindcss-rails
  thruster
  turbo-rails
  tzinfo-data
  web-console

CHECKSUMS
  actioncable (8.1.0.alpha)
  actionmailbox (8.1.0.alpha)
  actionmailer (8.1.0.alpha)
  actionpack (8.1.0.alpha)
  actiontext (8.1.0.alpha)
  actionview (8.1.0.alpha)
  activejob (8.1.0.alpha)
  activemodel (8.1.0.alpha)
  activerecord (8.1.0.alpha)
  activestorage (8.1.0.alpha)
  activesupport (8.1.0.alpha)
  addressable (2.8.7) sha256=462986537cf3735ab5f3c0f557f14155d778f4b43ea4f485a9deb9c8f7c58232
  ast (2.4.2) sha256=1e280232e6a33754cde542bc5ef85520b74db2aac73ec14acef453784447cc12
  base64 (0.2.0) sha256=0f25e9b21a02a0cc0cea8ef92b2041035d39350946e8789c562b2d1a3da01507
  bcrypt (3.1.20) sha256=8410f8c7b3ed54a3c00cd2456bf13917d695117f033218e2483b2e40b0784099
  bcrypt_pbkdf (1.1.1) sha256=2f9077dde837d1f0dd2eb0f9e5327c6871c68ebc8eba88870fb6b7956e1e2b13
  benchmark (0.4.0) sha256=0f12f8c495545e3710c3e4f0480f63f06b4c842cc94cec7f33a956f5180e874a
  better_html (2.1.1) sha256=046c3551d1488a3f2939a7cac6fabf2bde08c32e135c91fcd683380118e5af55
  bigdecimal (3.1.9) sha256=2ffc742031521ad69c2dfc815a98e426a230a3d22aeac1995826a75dabfad8cc
  bindex (0.8.1) sha256=7b1ecc9dc539ed8bccfc8cb4d2732046227b09d6f37582ff12e50a5047ceb17e
  bootsnap (1.18.4) sha256=ac4c42af397f7ee15521820198daeff545e4c360d2772c601fbdc2c07d92af55
  brakeman (7.0.0) sha256=1a0122b0c70f17519a61548a53a332c0acc19e3aa10b445e15e025a4b13b8577
  builder (3.3.0) sha256=497918d2f9dca528fdca4b88d84e4ef4387256d984b8154e9d5d3fe5a9c8835f
  bundler-audit (0.9.2) sha256=73051daa09865c436450a35c4d87ceef15f3f9777f4aad4fd015cc6f1f2b1048
  capybara (3.40.0) sha256=42dba720578ea1ca65fd7a41d163dd368502c191804558f6e0f71b391054aeef
  childprocess (5.1.0) sha256=9a8d484be2fd4096a0e90a0cd3e449a05bc3aa33f8ac9e4d6dcef6ac1455b6ec
  concurrent-ruby (1.3.5) sha256=813b3e37aca6df2a21a3b9f1d497f8cbab24a2b94cab325bffe65ee0f6cbebc6
  connection_pool (2.5.0) sha256=233b92f8d38e038c1349ccea65dd3772727d669d6d2e71f9897c8bf5cd53ebfc
  crass (1.0.6) sha256=dc516022a56e7b3b156099abc81b6d2b08ea1ed12676ac7a5657617f012bd45d
  date (3.4.1) sha256=bf268e14ef7158009bfeaec40b5fa3c7271906e88b196d958a89d4b408abe64f
  debug (1.10.0) sha256=11e28ca74875979e612444104f3972bd5ffb9e79179907d7ad46dba44bd2e7a4
  dotenv (3.1.7) sha256=c670df478675d23889e657beaca6fb423228f75ce9f052a0690c0d0daa333cf3
  drb (2.2.1) sha256=e9d472bf785f558b96b25358bae115646da0dbfd45107ad858b0bc0d935cb340
  ed25519 (1.3.0) sha256=514a5584f84d39daac568a17ec93a4e7261e140c52c562ed8c382c18456e627d
  erb_lint (0.8.0) sha256=e4d1bf493bfa52b8dbdfe050ef046630bb362fb530f9a938807863c6a778bd1a
  erblint-github (1.0.1) sha256=9f28f7dc381a0dc68a0093ef7af3424ed9d2bb2b3e39bdc8e8cba86a0d31f2d0
  erubi (1.13.1) sha256=a082103b0885dbc5ecf1172fede897f9ebdb745a4b97a5e8dc63953db1ee4ad9
  et-orbi (1.2.11) sha256=d26e868cc21db88280a9ec1a50aa3da5d267eb9b2037ba7b831d6c2731f5df64
  faraday (2.12.2) sha256=157339c25c7b8bcb739f5cf1207cb0cefe8fa1c65027266bcbc34c90c84b9ad6
  faraday-net_http (3.4.0) sha256=a1f1e4cd6a2cf21599c8221595e27582d9936819977bbd4089a601f24c64e54a
  ffi (1.17.1) sha256=26f6b0dbd1101e6ffc09d3ca640b2a21840cc52731ad8a7ded9fb89e5fb0fc39
  ffi (1.17.1-aarch64-linux-gnu) sha256=c5d22cb545a3a691d46060f1343c461d1a8d38c3fd71b96b4cbbe6906bf1fd38
  ffi (1.17.1-aarch64-linux-musl) sha256=88b9d6ae905d21142df27c94bb300042c1aae41b67291885f600eaad16326b1d
  ffi (1.17.1-arm-linux-gnu) sha256=fe14f5ece94082f3b0e651a09008113281f2764e7ea95f522b64e2fe32e11504
  ffi (1.17.1-arm-linux-musl) sha256=df14927ca7bd9095148a7d1938bb762bbf189d190cf25d9547395ec7acc198a0
  ffi (1.17.1-arm64-darwin) sha256=a8e04f79d375742c54ee7f9fff4b4022b87200a4ec0eb082128d3b6559e67b4d
  ffi (1.17.1-x86-linux-gnu) sha256=01411c78cb3cff3c88cf67b2a7b24534e9b1638253d88581fef44c2083f6a174
  ffi (1.17.1-x86-linux-musl) sha256=02bcc7bbcff71e021ef05f43469f7c5074ab3422e415b287001bd890c9cbb1c6
  ffi (1.17.1-x86_64-darwin) sha256=0036199c290462dd7f03bc22933644c1685b7834a21788062bd5df48c72aa7a6
  ffi (1.17.1-x86_64-linux-gnu) sha256=8c0ade2a5d19f3672bccfe3b58e016ae5f159e3e2e741c856db87fcf07c903d0
  ffi (1.17.1-x86_64-linux-musl) sha256=3a343086820c96d6fbea4a5ef807fb69105b2b8174678f103b3db210c3f78401
  fugit (1.11.1) sha256=e89485e7be22226d8e9c6da411664d0660284b4b1c08cacb540f505907869868
  globalid (1.2.1) sha256=70bf76711871f843dbba72beb8613229a49429d1866828476f9c9d6ccc327ce9
  hashie (5.0.0) sha256=9d6c4e51f2a36d4616cbc8a322d619a162d8f42815a792596039fc95595603da
  highline (3.1.2) sha256=67cbd34d19f6ef11a7ee1d82ffab5d36dfd5b3be861f450fc1716c7125f4bb4a
  hotwire-spark (0.1.12) sha256=80432d879ebbe1b3d38eeb11e9cb5426177e646f1d732bf12959c3e43fa340e6
  i18n (1.14.6) sha256=dc229a74f5d181f09942dd60ab5d6e667f7392c4ee826f35096db36d1fe3614c
  i18n-tasks (1.0.14) sha256=3ad8daef2a3268d6dc2232aad2b12941b353d884cd30fd3b418a73e7001a03ec
  image_processing (1.13.0) sha256=71cffe2707573b16a4800b10619dc851add8cf9e667931ae900b7cac1d9cdd65
  importmap-rails (2.1.0) sha256=9f10c67d60651a547579f448100d033df311c5d5db578301374aeb774faae741
  inline_svg (1.10.0) sha256=5b652934236fd9f8adc61f3fd6e208b7ca3282698b19f28659971da84bf9a10f
  io-console (0.8.0) sha256=cd6a9facbc69871d69b2cb8b926fc6ea7ef06f06e505e81a64f14a470fddefa2
  irb (1.14.3) sha256=c457f1f2f1438ae9ce5c5be3981ae2138dec7fb894c7d73777eeeb0a6c0d0752
  jbuilder (2.13.0) sha256=7200a38a1c0081aa81b7a9757e7a299db75bc58cf1fd45ca7919a91627d227d6
  json (2.9.1) sha256=d2bdef4644052fad91c1785d48263756fe32fcac08b96a20bb15840e96550d11
  jwt (2.10.1) sha256=e6424ae1d813f63e761a04d6284e10e7ec531d6f701917fadcd0d9b2deaf1cc5
  kamal (2.4.0) sha256=5f62f1858cc15c1506e55b60b075c89a1e7ef9c6bb0a7e3c01b54af190f85181
  language_server-protocol (3.17.0.3) sha256=3d5c58c02f44a20d972957a9febe386d7e7468ab3900ce6bd2b563dd910c6b3f
  launchy (3.0.1) sha256=b7fa60bda0197cf57614e271a250a8ca1f6a34ab889a3c73f67ec5d57c8a7f2c
  letter_opener (1.10.0) sha256=2ff33f2e3b5c3c26d1959be54b395c086ca6d44826e8bf41a14ff96fdf1bdbb2
  letter_opener_web (3.0.0) sha256=3f391efe0e8b9b24becfab5537dfb17a5cf5eb532038f947daab58cb4b749860
  lint_roller (1.1.0) sha256=2c0c845b632a7d172cb849cc90c1bce937a28c5c8ccccb50dfd46a485003cc87
  listen (3.9.0) sha256=db9e4424e0e5834480385197c139cb6b0ae0ef28cc13310cfd1ca78377d59c67
  logger (1.6.5) sha256=c3cfe56d01656490ddd103d38b8993d73d86296adebc5f58cefc9ec03741e56b
  loofah (2.24.0) sha256=61e6a710883abb8210887f3dc868cf3ed66594c509d9ff6987621efa6651ee1e
  mail (2.8.1) sha256=ec3b9fadcf2b3755c78785cb17bc9a0ca9ee9857108a64b6f5cfc9c0b5bfc9ad
  marcel (1.0.4) sha256=0d5649feb64b8f19f3d3468b96c680bae9746335d02194270287868a661516a4
  matrix (0.4.2) sha256=71083ccbd67a14a43bfa78d3e4dc0f4b503b9cc18e5b4b1d686dc0f9ef7c4cc0
  mini_magick (4.13.2) sha256=71d6258e0e8a3d04a9a0a09784d5d857b403a198a51dd4f882510435eb95ddd9
  mini_mime (1.1.5) sha256=8681b7e2e4215f2a159f9400b5816d85e9d8c6c6b491e96a12797e798f8bccef
  mini_portile2 (2.8.8) sha256=8e47136cdac04ce81750bb6c09733b37895bf06962554e4b4056d78168d70a75
  minitest (5.25.4) sha256=9cf2cae25ac4dfc90c988ebc3b917f53c054978b673273da1bd20bcb0778f947
  mission_control-jobs (1.0.1) sha256=3bcccd10ed807a0d59c36054bab2be077e3ee37c48b0d67d25e25802cb0d79ca
  msgpack (1.7.5) sha256=ffb04979f51e6406823c03abe50e1da2c825c55a37dee138518cdd09d9d3aea8
  multi_xml (0.7.1) sha256=4fce100c68af588ff91b8ba90a0bb3f0466f06c909f21a32f4962059140ba61b
  net-http (0.6.0) sha256=9621b20c137898af9d890556848c93603716cab516dc2c89b01a38b894e259fb
  net-imap (0.5.5) sha256=abe6a8932c68269804b0f0b499a0d1972098e7e6b8b61a7c508b127ebde1682a
  net-pop (0.1.2) sha256=848b4e982013c15b2f0382792268763b748cce91c9e91e36b0f27ed26420dff3
  net-protocol (0.2.2) sha256=aa73e0cba6a125369de9837b8d8ef82a61849360eba0521900e2c3713aa162a8
  net-scp (4.0.0) sha256=b32ded0d48c88ce70844a063e4e14efb44a95e51a9e0c0bfb0c54b4313b622ea
  net-sftp (4.0.0) sha256=65bb91c859c2f93b09826757af11b69af931a3a9155050f50d1b06d384526364
  net-smtp (0.5.0) sha256=5fc0415e6ea1cc0b3dfea7270438ec22b278ca8d524986a3ae4e5ae8d087b42a
  net-ssh (7.3.0) sha256=172076c4b30ce56fb25a03961b0c4da14e1246426401b0f89cba1a3b54bf3ef0
  nio4r (2.7.4) sha256=d95dee68e0bb251b8ff90ac3423a511e3b784124e5db7ff5f4813a220ae73ca9
  nokogiri (1.18.1) sha256=df18be7e96c34736b6abfdeda80c6e845134fb9afe2fe5d4fbc1cf1f89c68475
  nokogiri (1.18.1-aarch64-linux-gnu) sha256=35837013800e34342fcbaca305f8c49231f6bd4f779bfa23fe7b4686ae82d5b8
  nokogiri (1.18.1-aarch64-linux-musl) sha256=1b303402cd045f9075a6ee291767c1ffe654b426ed30911e5b47819c21855b22
  nokogiri (1.18.1-arm-linux-gnu) sha256=3b873fd6b0cd1ad7c77e87af701075bdfd14c9a6b2f2965c5e00ed29a5627a37
  nokogiri (1.18.1-arm-linux-musl) sha256=d6fe26f6d1425f403077fbf829fc0ef8e521545c924a13777d6fdf1a0c07c1f3
  nokogiri (1.18.1-arm64-darwin) sha256=d75193f284c899d225943a8944479faedd995a7573ddd5c8308ffbdf2ec55204
  nokogiri (1.18.1-x86_64-darwin) sha256=d94e3aa6483577495fc8969d6b4b5c075840ce6b1ab09636a6d4177ad171051d
  nokogiri (1.18.1-x86_64-linux-gnu) sha256=e516cf16ccde67ed4cc595a2621ca5ddd42562ecb24928914b0045a20a41620e
  nokogiri (1.18.1-x86_64-linux-musl) sha256=f2c389bc100541247edaeaabc6d875b31d72e897471b66a67987b2e4df0192d6
  oauth2 (2.0.9) sha256=b21f9defcf52dc1610e0dfab4c868342173dcd707fd15c777d9f4f04e153f7fb
  omniauth (2.1.2) sha256=def03277298b8f8a5d3ff16cdb2eb5edb9bffed60ee7dda24cc0c89b3ae6a0ce
  omniauth-facebook (10.0.0) sha256=dfdc6cbada5387572d554784861546cf6382f9fa16c4731cbe5813e570fcb9e1
  omniauth-google-oauth2 (1.2.0) sha256=88d5d8e6a4d8cc28c560913ec2d4e71a765ce181915e02a218aadc31b4d895a2
  omniauth-oauth2 (1.8.0) sha256=b2f8e9559cc7e2d4efba57607691d6d2b634b879fc5b5b6ccfefa3da85089e78
  omniauth-rails_csrf_protection (1.0.2) sha256=1170fd672aff092b9b7ebebc1453559f073ed001e3ce62a1df616e32f8dc5fe0
  ostruct (0.6.1) sha256=09a3fb7ecc1fa4039f25418cc05ae9c82bd520472c5c6a6f515f03e4988cb817
  pagy (9.3.3) sha256=4831418eb4ec7cc5658ea57de559cc3a960286db36f98d4c1c65e19db0e2bb60
  parallel (1.26.3) sha256=d86babb7a2b814be9f4b81587bf0b6ce2da7d45969fab24d8ae4bf2bb4d4c7ef
  parser (3.3.6.0) sha256=25d4e67cc4f0f7cab9a2ae1f38e2005b6904d2ea13c34734511d0faad038bc3b
  prism (1.3.0) sha256=b11620829831b1cb7e6c9b46c81ff8a6e36ccb3f888f164485eb7351f386273a
  propshaft (1.1.0) sha256=d389361faf66aeb17e8d204828962c1e506edd14a1a17adb3fa475435c070f6b
  psych (5.2.3) sha256=84a54bb952d14604fea22d99938348814678782f58b12648fcdfa4d2fce859ee
  public_suffix (6.0.1) sha256=61d44e1cab5cbbbe5b31068481cf16976dd0dc1b6b07bd95617ef8c5e3e00c6f
  puma (6.5.0) sha256=94d1b75cab7f356d52e4f1b17b9040a090889b341dbeee6ee3703f441dc189f2
  pundit (2.4.0) sha256=43e6d27a9df082c04f0020999ce4dcf6742ecc5775d102ef2bfe9df041417572
  raabro (1.4.0) sha256=d4fa9ff5172391edb92b242eed8be802d1934b1464061ae5e70d80962c5da882
  racc (1.8.1) sha256=4a7f6929691dbec8b5209a0b373bc2614882b55fc5d2e447a21aaa691303d62f
  rack (3.1.8) sha256=d3fbcbca43dc2b43c9c6d7dfbac01667ae58643c42cea10013d0da970218a1b1
  rack-protection (4.1.1) sha256=51a254a5d574a7f0ca4f0672025ce2a5ef7c8c3bd09c431349d683e825d7d16a
  rack-session (2.1.0) sha256=437c3916535b58ef71c816ce4a2dee0a01c8a52ae6077dc2b6cd19085760a290
  rack-test (2.2.0) sha256=005a36692c306ac0b4a9350355ee080fd09ddef1148a5f8b2ac636c720f5c463
  rackup (2.2.1) sha256=f737191fd5c5b348b7f0a4412a3b86383f88c43e13b8217b63d4c8d90b9e798d
  rails (8.1.0.alpha)
  rails-dom-testing (2.2.0) sha256=e515712e48df1f687a1d7c380fd7b07b8558faa26464474da64183a7426fa93b
  rails-html-sanitizer (1.6.2) sha256=35fce2ca8242da8775c83b6ba9c1bcaad6751d9eb73c1abaa8403475ab89a560
  rails-i18n (8.0.1) sha256=15303195450bdac9a80636cf14c7e5ada2f43907cc60fcd19bbb3f81ab45be0d
  railties (8.1.0.alpha)
  rainbow (3.1.1) sha256=039491aa3a89f42efa1d6dec2fc4e62ede96eb6acd95e52f1ad581182b79bc6a
  rake (13.2.1) sha256=46cb38dae65d7d74b6020a4ac9d48afed8eb8149c040eccf0523bec91907059d
  rb-fsevent (0.11.2) sha256=43900b972e7301d6570f64b850a5aa67833ee7d87b458ee92805d56b7318aefe
  rb-inotify (0.11.1) sha256=a0a700441239b0ff18eb65e3866236cd78613d6b9f78fea1f9ac47a85e47be6e
  rbs (3.8.1) sha256=2b6ce37952e267e1d3ad330aabfadbdceac234193a60cc18f25a8f75fa949c1d
  rdoc (6.11.0) sha256=bec66fb9b019be64f7ba7d2cd2aecb283a3a01fef23a95b33e2349c6d1aa0040
  regexp_parser (2.10.0) sha256=cb6f0ddde88772cd64bff1dbbf68df66d376043fe2e66a9ef77fcb1b0c548c61
  reline (0.6.0) sha256=57620375dcbe56ec09bac7192bfb7460c716bbf0054dc94345ecaa5438e539d2
  rexml (3.4.0) sha256=efbea1efba7fa151158e0ee1e643525834da2d8eb4cf744aa68f6480bc9804b2
  rubocop (1.70.0) sha256=96751f8440b36a0ac6e9a8ab596900803118d83d6b83f2037bf8b3d7a5bc440e
  rubocop-ast (1.37.0) sha256=9513ac88aaf113d04b52912533ffe46475de1362d4aa41141b51b2455827c080
  rubocop-capybara (2.21.0) sha256=5d264efdd8b6c7081a3d4889decf1451a1cfaaec204d81534e236bc825b280ab
  rubocop-minitest (0.36.0) sha256=1d15850849c685ff4b6d64dd801ec2d13eb2fe56b6f7ce9aab93d1b0508e7b9f
  rubocop-performance (1.23.1) sha256=f22f86a795f5e6a6180aac2c6fc172534b173a068d6ed3396d6460523e051b82
  rubocop-rails (2.28.0) sha256=4967bed9ea13e6dcab566fea4265a6dd0381db739b305e48930aba1282da2715
  ruby-lsp (0.23.5) sha256=17c912936dc0a77d780163ae9489b3eca561d8903517b5c46f45e8234096c8e2
  ruby-lsp-rails (0.3.29) sha256=634c703ebcde71adb3b16d807762c31bcf87e3d5afabec6c727c565971b27659
  ruby-progressbar (1.13.0) sha256=80fc9c47a9b640d6834e0dc7b3c94c9df37f08cb072b7761e4a71e22cff29b33
  ruby-vips (2.2.2) sha256=af5be8e9f2857a98424d7606ecfc2c21c5e107d0802915190dcc093f56e4dd5b
  rubyzip (2.4.1) sha256=8577c88edc1fde8935eb91064c5cb1aef9ad5494b940cf19c775ee833e075615
  securerandom (0.4.1) sha256=cc5193d414a4341b6e225f0cb4446aceca8e50d5e1888743fac16987638ea0b1
  selenium-webdriver (4.27.0) sha256=8821f4ad60b935cfcdc5954c0a6642d894e936250aece8bf37a6fcbebe5eb6e0
  smart_properties (1.17.0) sha256=f9323f8122e932341756ddec8e0ac9ec6e238408a7661508be99439ca6d6384b
  snaky_hash (2.0.1) sha256=1ac87ec157fcfe7a460e821e0cd48ae1e6f5e3e082ab520f03f31a9259dbdc31
  solid_cable (3.0.5) sha256=258ac22d103275b40affdf86421047899aab22376e78719cfe806c5561403459
  solid_cache (1.0.6) sha256=fe1acf73fbe4a6a53620425317949082d3b99e0cfd35416106b56220fa66c311
  solid_queue (1.1.2) sha256=178c9396d1cf0dac595c7508da90ddb397d25848ca007b5c5ed48e6ac6fc360c
  sorbet-runtime (0.5.11758) sha256=241c5b3ddd35f8ee6391caa31a44f021a485db0c56f5933363945da606318513
  sqlite3 (2.5.0) sha256=87fa0036e6369c3f3cfeca749865c2b2b63649d3b17b223d1939a8eed4841a6b
  sqlite3 (2.5.0-aarch64-linux-gnu) sha256=302085c3b932c027bc8de9f45fb5d0a3dc502357908dcc8f9bc8a92e4e9c7ab1
  sqlite3 (2.5.0-aarch64-linux-musl) sha256=f6c8d25a6c7175bed154da82bc4c1ea3ef48580aeca17400b2e730c026821857
  sqlite3 (2.5.0-arm-linux-gnu) sha256=5f22b4c72c38570593f9fe351751cb269568594525e0e3e0776187a3f1a55f32
  sqlite3 (2.5.0-arm-linux-musl) sha256=b8e672106f341e9e4c85cdbc218710521c92082eec0ba61c180fb27a9c7780c6
  sqlite3 (2.5.0-arm64-darwin) sha256=65370ddbc7bd7e65a03c18f8bf0e9be0f4f3cf50f758f8c1d3181aece5515ecf
  sqlite3 (2.5.0-x86-linux-gnu) sha256=90488e9278ff23b9b22387a01354d5350b94d346fa9ab09256f154d0ca90dec6
  sqlite3 (2.5.0-x86-linux-musl) sha256=09dd65d3752fb9d5cd93df841cbc357d2d117118f96f8b4122cd9cb38e020295
  sqlite3 (2.5.0-x86_64-darwin) sha256=e3c6d2fa04db9d0773455cb6c79835f230c363424b69c34dd718e1aff8609d35
  sqlite3 (2.5.0-x86_64-linux-gnu) sha256=c62c8d625da7e2ce93d694f02cd9c9d537638f56b09f2e8f28bea2d030b3923b
  sqlite3 (2.5.0-x86_64-linux-musl) sha256=09fd262943eeb89465f6633e748b702b046de24cdab14b197302d0f4a0e250cb
  sshkit (1.23.2) sha256=76d7088fddeaf3ac37bad20e7121f7352367cae6bb0cdbc7d7354efc714d213b
  standard (1.44.0) sha256=50e36267ccd46ce8516ef7e4efb11cdd9bffe3cc7e9f8b1e4490c9d00a852d28
  standard-custom (1.0.2) sha256=424adc84179a074f1a2a309bb9cf7cd6bfdb2b6541f20c6bf9436c0ba22a652b
  standard-performance (1.6.0) sha256=2d8b71aa190489e0775ec308d405ece3f6ac06e303a4a7d7560ce1ca074749f4
  stimulus-rails (1.3.4) sha256=765676ffa1f33af64ce026d26b48e8ffb2e0b94e0f50e9119e11d6107d67cb06
  stringio (3.1.2) sha256=204f1828f85cdb39d57cac4abc6dc44b04505a223f131587f2e20ae3729ba131
  tailwindcss-rails (3.2.0) sha256=d8dbcc1e9cd1ba7b8b68300e45dbc61a26252bd6df3d4805bdde76176ca8e3cc
  tailwindcss-ruby (3.4.17) sha256=464fb7cc45f1bd7446af3457a2007651eee07491df9b03ae2f1ac53b5203c427
  tailwindcss-ruby (3.4.17-aarch64-linux) sha256=a013deb088c6f32d62bb17fa804b5599486e60d76dd826d4be7697a92e881284
  tailwindcss-ruby (3.4.17-arm-linux) sha256=5562183cd75418e18427ff227a47bccba1d325f3c6a2384d752fadfe8d4ce1ba
  tailwindcss-ruby (3.4.17-arm64-darwin) sha256=07d83952b0bd380fd759e7b95ea75ee3babe08425ea290d078a50cb592791658
  tailwindcss-ruby (3.4.17-x86_64-darwin) sha256=94ec8a042507c1281060872b661d590491ac763bbbd5c84f16555a69a1f6c528
  tailwindcss-ruby (3.4.17-x86_64-linux) sha256=5c607785d4d38d3d70f5ee5cb6a0e846fa1de32f911a7dcaca9cb94feaa864ff
  terminal-table (3.0.2) sha256=f951b6af5f3e00203fb290a669e0a85c5dd5b051b3b023392ccfd67ba5abae91
  thor (1.3.2) sha256=eef0293b9e24158ccad7ab383ae83534b7ad4ed99c09f96f1a6b036550abbeda
  thruster (0.1.10) sha256=80cbeaa660312e24c779048e2c4a73d973a4a99b4252492f0649fbfb63e2efa6
  thruster (0.1.10-aarch64-linux) sha256=70f446efa6d3b4839a18773de032aed8a43e4856bbc1c043ef396e4ccb1524e6
  thruster (0.1.10-arm64-darwin) sha256=6327cf0a923b0738900d4c1443eef40a0c6332a06fe92d8b8c9c18fb5258c7f0
  thruster (0.1.10-x86_64-darwin) sha256=47d4479903de1bd6143b7a35b345dc6b8e7930cebfd0af1c5a56af153634a1af
  thruster (0.1.10-x86_64-linux) sha256=706788dd54c1495aff4e9874973f50a0dfca53620038e1dd27b70cc9eee2a0d8
  timeout (0.4.3) sha256=9509f079b2b55fe4236d79633bd75e34c1c1e7e3fb4b56cb5fda61f80a0fe30e
  turbo-rails (2.0.11) sha256=fc47674736372780abd2a4dc0d84bef242f5ca156a457cd7fa6308291e397fcf
  tzinfo (2.0.6) sha256=8daf828cc77bcf7d63b0e3bdb6caa47e2272dcfaf4fbfe46f8c3a9df087a829b
  unicode-display_width (2.6.0) sha256=12279874bba6d5e4d2728cef814b19197dbb10d7a7837a869bab65da943b7f5a
  uri (1.0.2) sha256=b303504ceb7e5905771fa7fa14b649652fa949df18b5880d69cfb12494791e27
  useragent (0.16.11) sha256=700e6413ad4bb954bb63547fa098dddf7b0ebe75b40cc6f93b8d54255b173844
  version_gem (1.1.4) sha256=c69752c6d6a9446ad21a030661a988ba10ba05c1ad249532332ecc7efa534621
  web-console (4.2.1) sha256=e7bcf37a10ea2b4ec4281649d1cee461b32232d0a447e82c786e6841fd22fe20
  websocket (1.2.11) sha256=b7e7a74e2410b5e85c25858b26b3322f29161e300935f70a0e0d3c35e0462737
  websocket-driver (0.7.7) sha256=056d99f2cd545712cfb1291650fde7478e4f2661dc1db6a0fa3b966231a146b4
  websocket-extensions (0.1.5) sha256=1c6ba63092cda343eb53fc657110c71c754c56484aad42578495227d717a8241
  xpath (3.2.0) sha256=6dfda79d91bb3b949b947ecc5919f042ef2f399b904013eb3ef6d20dd3a4082e
  zeitwerk (2.7.1) sha256=0945986050e4907140895378e74df1fe882a2271ed087cc6c6d6b00d415a2756

BUNDLED WITH
   2.6.2
